STORAGE: PACKAGES
RESTRICTION: || (== net40) (== net461) (== net48) (== net50) (== netstandard2.0)
NUGET
  remote: https://api.nuget.org/v3/index.json
    BenchmarkDotNet (0.12.1) - restriction: || (== net48) (== net50)
      BenchmarkDotNet.Annotations (>= 0.12.1) - restriction: || (&& (== net40) (>= netstandard2.0)) (&& (== net461) (>= netstandard2.0)) (== net48) (== net50) (== netstandard2.0)
      CommandLineParser (>= 2.4.3) - restriction: || (&& (== net40) (>= netstandard2.0)) (&& (== net461) (>= netstandard2.0)) (== net48) (== net50) (== netstandard2.0)
      Iced (>= 1.4) - restriction: || (&& (== net40) (>= netstandard2.0)) (&& (== net461) (>= netstandard2.0)) (== net48) (== net50) (== netstandard2.0)
      Microsoft.CodeAnalysis.CSharp (>= 2.10) - restriction: || (&& (== net40) (>= netstandard2.0)) (&& (== net461) (>= netstandard2.0)) (== net48) (== net50) (== netstandard2.0)
      Microsoft.Diagnostics.NETCore.Client (>= 0.2.61701) - restriction: || (&& (== net40) (>= netstandard2.0)) (&& (== net461) (>= netstandard2.0)) (== net48) (== net50) (== netstandard2.0)
      Microsoft.Diagnostics.Runtime (>= 1.1.57604) - restriction: || (&& (== net40) (>= netstandard2.0)) (&& (== net461) (>= netstandard2.0)) (== net48) (== net50) (== netstandard2.0)
      Microsoft.Diagnostics.Tracing.TraceEvent (>= 2.0.49) - restriction: || (&& (== net40) (>= netstandard2.0)) (&& (== net461) (>= netstandard2.0)) (== net48) (== net50) (== netstandard2.0)
      Microsoft.DotNet.PlatformAbstractions (>= 2.1) - restriction: || (&& (== net40) (>= netstandard2.0)) (&& (== net461) (>= netstandard2.0)) (== net48) (== net50) (== netstandard2.0)
      Microsoft.Win32.Registry (>= 4.5) - restriction: || (&& (== net40) (>= netstandard2.0)) (&& (== net461) (>= netstandard2.0)) (== net48) (== net50) (== netstandard2.0)
      Perfolizer (>= 0.2.1) - restriction: || (&& (== net40) (>= netstandard2.0)) (&& (== net461) (>= netstandard2.0)) (== net48) (== net50) (== netstandard2.0)
      System.Management (>= 4.5) - restriction: || (&& (== net40) (>= netstandard2.0)) (&& (== net461) (>= netstandard2.0)) (== net48) (== net50) (== netstandard2.0)
      System.Reflection.Emit (>= 4.3) - restriction: || (&& (== net40) (>= netstandard2.0)) (&& (== net461) (>= netstandard2.0)) (== net48) (== net50) (== netstandard2.0)
      System.Reflection.Emit.Lightweight (>= 4.3) - restriction: || (&& (== net40) (>= netstandard2.0)) (&& (== net461) (>= netstandard2.0)) (== net48) (== net50) (== netstandard2.0)
      System.Threading.Tasks.Extensions (>= 4.5.2) - restriction: || (&& (== net40) (>= netstandard2.0)) (&& (== net461) (>= netstandard2.0)) (== net48) (== net50) (== netstandard2.0)
      System.ValueTuple (>= 4.5) - restriction: || (&& (== net40) (>= netstandard2.0)) (&& (== net461) (>= netstandard2.0)) (== net48) (== net50) (== netstandard2.0)
    BenchmarkDotNet.Annotations (0.12.1) - restriction: || (== net48) (== net50)
    CommandLineParser (2.4.3) - restriction: || (== net48) (== net50)
    FSharp.Core (4.7.2)
    FsUnit (3.9) - restriction: || (== net48) (== net50)
      FSharp.Core (>= 4.2.3) - restriction: || (&& (== net40) (>= net46)) (&& (== net40) (>= netstandard2.0)) (== net461) (== net48) (== net50) (== netstandard2.0)
      NETStandard.Library (>= 2.0.3) - restriction: || (&& (== net40) (>= netstandard2.0)) (&& (== net461) (< net46) (>= netstandard2.0)) (&& (== net48) (< net46)) (== net50) (== netstandard2.0)
      NUnit (>= 3.12 < 4.0) - restriction: || (&& (== net40) (>= net46)) (&& (== net40) (>= netstandard2.0)) (== net461) (== net48) (== net50) (== netstandard2.0)
    Iced (1.4) - restriction: || (== net48) (== net50)
    MathNet.Numerics (4.12)
    Microsoft.CodeAnalysis.Analyzers (2.6.1) - restriction: || (== net48) (== net50)
    Microsoft.CodeAnalysis.Common (2.10) - restriction: || (== net48) (== net50)
      Microsoft.CodeAnalysis.Analyzers (>= 2.6.1) - restriction: || (&& (== net40) (>= netstandard1.3)) (== net461) (== net48) (== net50) (== netstandard2.0)
      System.AppContext (>= 4.3) - restriction: || (&& (== net40) (>= netstandard1.3)) (== net461) (== net48) (== net50) (== netstandard2.0)
      System.Collections (>= 4.3) - restriction: || (&& (== net40) (>= netstandard1.3)) (== net461) (== net48) (== net50) (== netstandard2.0)
      System.Collections.Concurrent (>= 4.3) - restriction: || (&& (== net40) (>= netstandard1.3)) (== net461) (== net48) (== net50) (== netstandard2.0)
      System.Collections.Immutable (>= 1.5) - restriction: || (&& (== net40) (>= netstandard1.3)) (== net461) (== net48) (== net50) (== netstandard2.0)
      System.Console (>= 4.3) - restriction: || (&& (== net40) (>= netstandard1.3)) (== net461) (== net48) (== net50) (== netstandard2.0)
      System.Diagnostics.Debug (>= 4.3) - restriction: || (&& (== net40) (>= netstandard1.3)) (== net461) (== net48) (== net50) (== netstandard2.0)
      System.Diagnostics.FileVersionInfo (>= 4.3) - restriction: || (&& (== net40) (>= netstandard1.3)) (== net461) (== net48) (== net50) (== netstandard2.0)
      System.Diagnostics.StackTrace (>= 4.3) - restriction: || (&& (== net40) (>= netstandard1.3)) (== net461) (== net48) (== net50) (== netstandard2.0)
      System.Diagnostics.Tools (>= 4.3) - restriction: || (&& (== net40) (>= netstandard1.3)) (== net461) (== net48) (== net50) (== netstandard2.0)
      System.Dynamic.Runtime (>= 4.3) - restriction: || (&& (== net40) (>= netstandard1.3)) (== net461) (== net48) (== net50) (== netstandard2.0)
      System.Globalization (>= 4.3) - restriction: || (&& (== net40) (>= netstandard1.3)) (== net461) (== net48) (== net50) (== netstandard2.0)
      System.IO.Compression (>= 4.3) - restriction: || (&& (== net40) (>= netstandard1.3)) (== net461) (== net48) (== net50) (== netstandard2.0)
      System.IO.FileSystem (>= 4.3) - restriction: || (&& (== net40) (>= netstandard1.3)) (== net461) (== net48) (== net50) (== netstandard2.0)
      System.IO.FileSystem.Primitives (>= 4.3) - restriction: || (&& (== net40) (>= netstandard1.3)) (== net461) (== net48) (== net50) (== netstandard2.0)
      System.Linq (>= 4.3) - restriction: || (&& (== net40) (>= netstandard1.3)) (== net461) (== net48) (== net50) (== netstandard2.0)
      System.Linq.Expressions (>= 4.3) - restriction: || (&& (== net40) (>= netstandard1.3)) (== net461) (== net48) (== net50) (== netstandard2.0)
      System.Reflection (>= 4.3) - restriction: || (&& (== net40) (>= netstandard1.3)) (== net461) (== net48) (== net50) (== netstandard2.0)
      System.Reflection.Metadata (>= 1.6) - restriction: || (&& (== net40) (>= netstandard1.3)) (== net461) (== net48) (== net50) (== netstandard2.0)
      System.Resources.ResourceManager (>= 4.3) - restriction: || (&& (== net40) (>= netstandard1.3)) (== net461) (== net48) (== net50) (== netstandard2.0)
      System.Runtime (>= 4.3) - restriction: || (&& (== net40) (>= netstandard1.3)) (== net461) (== net48) (== net50) (== netstandard2.0)
      System.Runtime.Extensions (>= 4.3) - restriction: || (&& (== net40) (>= netstandard1.3)) (== net461) (== net48) (== net50) (== netstandard2.0)
      System.Runtime.InteropServices (>= 4.3) - restriction: || (&& (== net40) (>= netstandard1.3)) (== net461) (== net48) (== net50) (== netstandard2.0)
      System.Runtime.Numerics (>= 4.3) - restriction: || (&& (== net40) (>= netstandard1.3)) (== net461) (== net48) (== net50) (== netstandard2.0)
      System.Security.Cryptography.Algorithms (>= 4.3) - restriction: || (&& (== net40) (>= netstandard1.3)) (== net461) (== net48) (== net50) (== netstandard2.0)
      System.Security.Cryptography.Encoding (>= 4.3) - restriction: || (&& (== net40) (>= netstandard1.3)) (== net461) (== net48) (== net50) (== netstandard2.0)
      System.Security.Cryptography.X509Certificates (>= 4.3) - restriction: || (&& (== net40) (>= netstandard1.3)) (== net461) (== net48) (== net50) (== netstandard2.0)
      System.Text.Encoding (>= 4.3) - restriction: || (&& (== net40) (>= netstandard1.3)) (== net461) (== net48) (== net50) (== netstandard2.0)
      System.Text.Encoding.CodePages (>= 4.3) - restriction: || (&& (== net40) (>= netstandard1.3)) (== net461) (== net48) (== net50) (== netstandard2.0)
      System.Text.Encoding.Extensions (>= 4.3) - restriction: || (&& (== net40) (>= netstandard1.3)) (== net461) (== net48) (== net50) (== netstandard2.0)
      System.Threading (>= 4.3) - restriction: || (&& (== net40) (>= netstandard1.3)) (== net461) (== net48) (== net50) (== netstandard2.0)
      System.Threading.Tasks (>= 4.3) - restriction: || (&& (== net40) (>= netstandard1.3)) (== net461) (== net48) (== net50) (== netstandard2.0)
      System.Threading.Tasks.Extensions (>= 4.3) - restriction: || (&& (== net40) (>= netstandard1.3)) (== net461) (== net48) (== net50) (== netstandard2.0)
      System.Threading.Tasks.Parallel (>= 4.3) - restriction: || (&& (== net40) (>= netstandard1.3)) (== net461) (== net48) (== net50) (== netstandard2.0)
      System.Threading.Thread (>= 4.3) - restriction: || (&& (== net40) (>= netstandard1.3)) (== net461) (== net48) (== net50) (== netstandard2.0)
      System.ValueTuple (>= 4.3) - restriction: || (&& (== net40) (>= netstandard1.3)) (== net461) (== net48) (== net50) (== netstandard2.0)
      System.Xml.ReaderWriter (>= 4.3) - restriction: || (&& (== net40) (>= netstandard1.3)) (== net461) (== net48) (== net50) (== netstandard2.0)
      System.Xml.XDocument (>= 4.3) - restriction: || (&& (== net40) (>= netstandard1.3)) (== net461) (== net48) (== net50) (== netstandard2.0)
      System.Xml.XmlDocument (>= 4.3) - restriction: || (&& (== net40) (>= netstandard1.3)) (== net461) (== net48) (== net50) (== netstandard2.0)
      System.Xml.XPath.XDocument (>= 4.3) - restriction: || (&& (== net40) (>= netstandard1.3)) (== net461) (== net48) (== net50) (== netstandard2.0)
    Microsoft.CodeAnalysis.CSharp (2.10) - restriction: || (== net48) (== net50)
      Microsoft.CodeAnalysis.Common (2.10)
    Microsoft.CodeCoverage (16.9.4) - restriction: || (== net48) (== net50)
    Microsoft.CSharp (4.7)
    Microsoft.Diagnostics.NETCore.Client (0.2.61701) - restriction: || (== net48) (== net50)
    Microsoft.Diagnostics.Runtime (1.1.57604) - restriction: || (== net48) (== net50)
    Microsoft.Diagnostics.Tracing.TraceEvent (2.0.49) - restriction: || (== net48) (== net50)
    Microsoft.DotNet.InternalAbstractions (1.0) - restriction: || (&& (== net48) (>= netcoreapp2.1)) (== net50)
      System.AppContext (>= 4.1) - restriction: || (&& (== net40) (>= netstandard1.3)) (&& (== net461) (< net451)) (&& (== net48) (< net451)) (== net50) (== netstandard2.0)
      System.Collections (>= 4.0.11) - restriction: || (&& (== net40) (>= netstandard1.3)) (&& (== net461) (< net451)) (&& (== net48) (< net451)) (== net50) (== netstandard2.0)
      System.IO (>= 4.1) - restriction: || (&& (== net40) (>= netstandard1.3)) (&& (== net461) (< net451)) (&& (== net48) (< net451)) (== net50) (== netstandard2.0)
      System.IO.FileSystem (>= 4.0.1) - restriction: || (&& (== net40) (>= netstandard1.3)) (&& (== net461) (< net451)) (&& (== net48) (< net451)) (== net50) (== netstandard2.0)
      System.Reflection.TypeExtensions (>= 4.1) - restriction: || (&& (== net40) (>= netstandard1.3)) (&& (== net461) (< net451)) (&& (== net48) (< net451)) (== net50) (== netstandard2.0)
      System.Runtime.Extensions (>= 4.1) - restriction: || (&& (== net40) (>= netstandard1.3)) (&& (== net461) (< net451)) (&& (== net48) (< net451)) (== net50) (== netstandard2.0)
      System.Runtime.InteropServices (>= 4.1) - restriction: || (&& (== net40) (>= netstandard1.3)) (&& (== net461) (< net451)) (&& (== net48) (< net451)) (== net50) (== netstandard2.0)
      System.Runtime.InteropServices.RuntimeInformation (>= 4.0) - restriction: || (&& (== net40) (>= netstandard1.3)) (&& (== net461) (< net451)) (&& (== net48) (< net451)) (== net50) (== netstandard2.0)
    Microsoft.DotNet.PlatformAbstractions (3.1.6) - restriction: || (== net48) (== net50)
      System.Runtime.InteropServices.RuntimeInformation (>= 4.0) - restriction: || (&& (== net40) (>= net45)) (&& (== net40) (>= netstandard1.3)) (== net461) (== net48) (&& (== net50) (>= net45)) (&& (== net50) (< netstandard2.0)) (&& (== netstandard2.0) (>= net45))
    Microsoft.NET.Test.Sdk (16.9.4) - restriction: || (== net48) (== net50)
      Microsoft.CodeCoverage (>= 16.9.4) - restriction: || (&& (== net40) (>= net45)) (&& (== net40) (>= netcoreapp1.0)) (== net461) (== net48) (== net50) (&& (== netstandard2.0) (>= net45)) (&& (== netstandard2.0) (>= netcoreapp1.0))
      Microsoft.TestPlatform.TestHost (>= 16.9.4) - restriction: || (&& (== net40) (>= netcoreapp1.0)) (&& (== net461) (>= netcoreapp1.0)) (&& (== net48) (>= netcoreapp1.0)) (== net50) (&& (== netstandard2.0) (>= netcoreapp1.0))
    Microsoft.NETCore.Platforms (2.2.4) - restriction: || (&& (== net48) (>= netcoreapp2.0)) (&& (== net48) (>= netcoreapp2.1)) (== net50) (== netstandard2.0)
    Microsoft.NETCore.Targets (5.0) - restriction: || (&& (== net40) (== net48)) (&& (== net48) (== netstandard2.0)) (&& (== net48) (< net45)) (&& (== net48) (>= netcoreapp2.1)) (== net50)
    Microsoft.NETFramework.ReferenceAssemblies (1.0) - copy_local: true, restriction: || (== net40) (== net461) (== net48)
      Microsoft.NETFramework.ReferenceAssemblies.net40 (>= 1.0) - restriction: || (== net40) (&& (== net461) (< net45)) (&& (== net48) (< net45)) (&& (== net50) (>= net40)) (&& (== netstandard2.0) (>= net40))
      Microsoft.NETFramework.ReferenceAssemblies.net461 (>= 1.0) - restriction: || (&& (== net40) (>= net461)) (== net461) (&& (== net48) (< net462)) (&& (== net50) (>= net461)) (&& (== netstandard2.0) (>= net461))
      Microsoft.NETFramework.ReferenceAssemblies.net48 (>= 1.0) - restriction: || (&& (== net40) (>= net48)) (&& (== net461) (>= net48)) (== net48) (&& (== net50) (>= net48)) (&& (== netstandard2.0) (>= net48))
    Microsoft.NETFramework.ReferenceAssemblies.net40 (1.0) - copy_local: true, restriction: || (== net40) (&& (== net461) (== net50)) (&& (== net461) (== netstandard2.0)) (&& (== net461) (< net45)) (&& (== net48) (== net50)) (&& (== net48) (== netstandard2.0)) (&& (== net48) (< net45))
    Microsoft.NETFramework.ReferenceAssemblies.net461 (1.0) - copy_local: true, restriction: || (&& (== net40) (== net48)) (&& (== net40) (>= net461)) (== net461) (&& (== net48) (== net50)) (&& (== net48) (== netstandard2.0)) (&& (== net48) (< net462))
    Microsoft.NETFramework.ReferenceAssemblies.net48 (1.0) - copy_local: true, restriction: || (&& (== net40) (>= net48)) (&& (== net461) (>= net48)) (== net48)
    Microsoft.TestPlatform.ObjectModel (16.9.4) - restriction: || (&& (== net48) (>= netcoreapp1.0)) (== net50)
      NuGet.Frameworks (>= 5.0) - restriction: || (&& (== net40) (>= net45)) (&& (== net40) (>= net451)) (&& (== net40) (>= netstandard2.0)) (== net461) (== net48) (== net50) (== netstandard2.0)
      System.Reflection.Metadata (>= 1.6) - restriction: || (&& (== net40) (>= net45)) (&& (== net40) (>= net451)) (&& (== net40) (>= netstandard1.3)) (&& (== net40) (>= netstandard2.0)) (== net461) (== net48) (== net50) (== netstandard2.0)
    Microsoft.TestPlatform.TestHost (16.9.4) - restriction: || (&& (== net48) (>= netcoreapp1.0)) (== net50)
      Microsoft.TestPlatform.ObjectModel (>= 16.9.4) - restriction: || (&& (== net40) (>= netcoreapp1.0)) (&& (== net40) (>= uap10.0)) (&& (== net461) (>= netcoreapp1.0)) (&& (== net461) (>= uap10.0)) (&& (== net48) (>= netcoreapp1.0)) (&& (== net48) (>= uap10.0)) (== net50) (&& (== netstandard2.0) (>= netcoreapp1.0)) (&& (== netstandard2.0) (>= uap10.0))
      Newtonsoft.Json (>= 9.0.1) - restriction: || (&& (== net40) (>= netcoreapp1.0)) (&& (== net40) (>= uap10.0)) (&& (== net461) (>= netcoreapp1.0)) (&& (== net461) (>= uap10.0)) (&& (== net48) (>= netcoreapp1.0)) (&& (== net48) (>= uap10.0)) (== net50) (&& (== netstandard2.0) (>= netcoreapp1.0)) (&& (== netstandard2.0) (>= uap10.0))
    Microsoft.Win32.Primitives (4.3) - restriction: || (&& (== net48) (>= netcoreapp2.1)) (== net50)
      Microsoft.NETCore.Platforms (>= 1.1) - restriction: || (&& (== net40) (>= netstandard1.3)) (&& (== net461) (< net46)) (&& (== net48) (< net46)) (== net50) (== netstandard2.0)
      Microsoft.NETCore.Targets (>= 1.1) - restriction: || (&& (== net40) (>= netstandard1.3)) (&& (== net461) (< net46)) (&& (== net48) (< net46)) (== net50) (== netstandard2.0)
      System.Runtime (>= 4.3) - restriction: || (&& (== net40) (>= netstandard1.3)) (&& (== net461) (< net46)) (&& (== net48) (< net46)) (== net50) (== netstandard2.0)
    Microsoft.Win32.Registry (4.5) - restriction: || (== net48) (== net50)
      System.Security.AccessControl (>= 4.5) - restriction: || (&& (== net40) (>= monoandroid)) (&& (== net40) (>= monotouch)) (&& (== net40) (>= net461)) (&& (== net40) (>= netcoreapp2.0)) (&& (== net40) (>= netcoreapp2.1)) (&& (== net40) (>= netstandard2.0)) (&& (== net40) (>= xamarinios)) (&& (== net40) (>= xamarinmac)) (&& (== net40) (>= xamarintvos)) (&& (== net40) (>= xamarinwatchos)) (== net461) (== net48) (== net50) (== netstandard2.0)
      System.Security.Principal.Windows (>= 4.5) - restriction: || (&& (== net40) (>= monoandroid)) (&& (== net40) (>= monotouch)) (&& (== net40) (>= net461)) (&& (== net40) (>= netcoreapp2.0)) (&& (== net40) (>= netcoreapp2.1)) (&& (== net40) (>= netstandard2.0)) (&& (== net40) (>= xamarinios)) (&& (== net40) (>= xamarinmac)) (&& (== net40) (>= xamarintvos)) (&& (== net40) (>= xamarinwatchos)) (== net461) (== net48) (== net50) (== netstandard2.0)
    NETStandard.Library (2.0.3) - restriction: == netstandard2.0
      Microsoft.NETCore.Platforms (>= 1.1) - restriction: || (&& (== net40) (>= net45)) (&& (== net40) (>= net46)) (&& (== net40) (>= net461)) (&& (== net40) (>= netcoreapp2.0)) (&& (== net40) (>= netstandard1.0)) (&& (== net40) (>= netstandard1.1)) (&& (== net40) (>= netstandard1.2)) (&& (== net40) (>= netstandard1.3)) (&& (== net40) (>= netstandard1.4)) (&& (== net40) (>= netstandard1.5)) (&& (== net40) (>= netstandard1.6)) (&& (== net40) (>= netstandard2.0)) (&& (== net40) (>= portable-net45+win8)) (&& (== net40) (>= portable-net45+win8+wp8+wpa81)) (&& (== net40) (>= portable-net45+win8+wpa81)) (&& (== net40) (>= uap10.0)) (&& (== net40) (>= uap10.1)) (&& (== net40) (>= win8)) (&& (== net40) (>= wp8)) (&& (== net40) (>= wpa81)) (== net461) (== net48) (== net50) (== netstandard2.0)
    Newtonsoft.Json (13.0.1) - restriction: || (&& (== net48) (>= netcoreapp1.0)) (== net50)
    NuGet.Frameworks (5.9) - restriction: || (&& (== net48) (>= netcoreapp1.0)) (== net50)
    NUnit (3.13.1) - restriction: || (== net48) (== net50)
      NETStandard.Library (>= 2.0) - restriction: || (&& (== net40) (< net35) (>= netstandard2.0)) (&& (== net461) (< net35) (>= netstandard2.0)) (&& (== net48) (< net35)) (== net50) (== netstandard2.0)
    NUnit3TestAdapter (3.17) - restriction: || (== net48) (== net50)
      Microsoft.DotNet.InternalAbstractions (>= 1.0) - restriction: || (&& (== net40) (>= netcoreapp2.1)) (&& (== net461) (>= netcoreapp2.1)) (&& (== net48) (>= netcoreapp2.1)) (== net50) (&& (== netstandard2.0) (>= netcoreapp2.1))
      System.ComponentModel.EventBasedAsync (>= 4.3) - restriction: || (&& (== net40) (>= netcoreapp2.1)) (&& (== net461) (>= netcoreapp2.1)) (&& (== net48) (>= netcoreapp2.1)) (== net50) (&& (== netstandard2.0) (>= netcoreapp2.1))
      System.ComponentModel.TypeConverter (>= 4.3) - restriction: || (&& (== net40) (>= netcoreapp2.1)) (&& (== net461) (>= netcoreapp2.1)) (&& (== net48) (>= netcoreapp2.1)) (== net50) (&& (== netstandard2.0) (>= netcoreapp2.1))
      System.Diagnostics.Process (>= 4.3) - restriction: || (&& (== net40) (>= netcoreapp2.1)) (&& (== net461) (>= netcoreapp2.1)) (&& (== net48) (>= netcoreapp2.1)) (== net50) (&& (== netstandard2.0) (>= netcoreapp2.1))
      System.Reflection (>= 4.3) - restriction: || (&& (== net40) (>= netcoreapp2.1)) (&& (== net461) (>= netcoreapp2.1)) (&& (== net48) (>= netcoreapp2.1)) (== net50) (&& (== netstandard2.0) (>= netcoreapp2.1))
      System.Runtime.InteropServices.RuntimeInformation (>= 4.3) - restriction: || (&& (== net40) (>= netcoreapp2.1)) (&& (== net461) (>= netcoreapp2.1)) (&& (== net48) (>= netcoreapp2.1)) (== net50) (&& (== netstandard2.0) (>= netcoreapp2.1))
      System.Threading.Thread (>= 4.3) - restriction: || (&& (== net40) (>= netcoreapp2.1)) (&& (== net461) (>= netcoreapp2.1)) (&& (== net48) (>= netcoreapp2.1)) (== net50) (&& (== netstandard2.0) (>= netcoreapp2.1))
      System.Xml.XmlDocument (>= 4.3) - restriction: || (&& (== net40) (>= netcoreapp2.1)) (&& (== net461) (>= netcoreapp2.1)) (&& (== net48) (>= netcoreapp2.1)) (== net50) (&& (== netstandard2.0) (>= netcoreapp2.1))
      System.Xml.XPath.XmlDocument (>= 4.3) - restriction: || (&& (== net40) (>= netcoreapp2.1)) (&& (== net461) (>= netcoreapp2.1)) (&& (== net48) (>= netcoreapp2.1)) (== net50) (&& (== netstandard2.0) (>= netcoreapp2.1))
    NUnitLite (3.13.1) - restriction: || (== net48) (== net50)
      NETStandard.Library (>= 2.0) - restriction: || (&& (== net40) (< net35) (>= netstandard2.0)) (&& (== net461) (< net35) (>= netstandard2.0)) (&& (== net48) (< net35)) (== net50) (== netstandard2.0)
      NUnit (3.13.1)
    Perfolizer (0.2.1) - restriction: || (== net48) (== net50)
      System.Memory (>= 4.5.3) - restriction: || (&& (== net40) (>= netstandard2.0)) (&& (== net461) (>= netstandard2.0)) (== net48) (== net50) (== netstandard2.0)
    runtime.debian.8-x64.runtime.native.System.Security.Cryptography.OpenSsl (4.3.2) - restriction: || (&& (== net40) (== net48)) (&& (== net48) (== netstandard2.0)) (&& (== net48) (< net46)) (== net50)
    runtime.fedora.23-x64.runtime.native.System.Security.Cryptography.OpenSsl (4.3.2) - restriction: || (&& (== net40) (== net48)) (&& (== net48) (== netstandard2.0)) (&& (== net48) (< net46)) (== net50)
    runtime.fedora.24-x64.runtime.native.System.Security.Cryptography.OpenSsl (4.3.2) - restriction: || (&& (== net40) (== net48)) (&& (== net48) (== netstandard2.0)) (&& (== net48) (< net46)) (== net50)
    runtime.native.System (4.3) - restriction: || (&& (== net40) (== net48)) (&& (== net48) (== netstandard2.0)) (&& (== net48) (< net45)) (&& (== net48) (>= netcoreapp2.1)) (== net50)
      Microsoft.NETCore.Platforms (>= 1.1)
      Microsoft.NETCore.Targets (>= 1.1)
    runtime.native.System.IO.Compression (4.3) - restriction: || (&& (== net40) (== net48)) (&& (== net48) (== netstandard2.0)) (&& (== net48) (< net45)) (== net50)
      Microsoft.NETCore.Platforms (>= 1.1)
      Microsoft.NETCore.Targets (>= 1.1)
    runtime.native.System.Net.Http (4.3) - restriction: || (&& (== net40) (== net48)) (&& (== net48) (== netstandard2.0)) (&& (== net48) (< net46)) (== net50)
      Microsoft.NETCore.Platforms (>= 1.1)
      Microsoft.NETCore.Targets (>= 1.1)
    runtime.native.System.Security.Cryptography.Apple (4.3.1) - restriction: || (&& (== net40) (== net48)) (&& (== net48) (== netstandard2.0)) (&& (== net48) (< net46)) (== net50)
      runtime.osx.10.10-x64.runtime.native.System.Security.Cryptography.Apple (>= 4.3.1)
    runtime.native.System.Security.Cryptography.OpenSsl (4.3.2) - restriction: || (&& (== net40) (== net48)) (&& (== net48) (== netstandard2.0)) (&& (== net48) (< net46)) (== net50)
      runtime.debian.8-x64.runtime.native.System.Security.Cryptography.OpenSsl (>= 4.3.2)
      runtime.fedora.23-x64.runtime.native.System.Security.Cryptography.OpenSsl (>= 4.3.2)
      runtime.fedora.24-x64.runtime.native.System.Security.Cryptography.OpenSsl (>= 4.3.2)
      runtime.opensuse.13.2-x64.runtime.native.System.Security.Cryptography.OpenSsl (>= 4.3.2)
      runtime.opensuse.42.1-x64.runtime.native.System.Security.Cryptography.OpenSsl (>= 4.3.2)
      runtime.osx.10.10-x64.runtime.native.System.Security.Cryptography.OpenSsl (>= 4.3.2)
      runtime.rhel.7-x64.runtime.native.System.Security.Cryptography.OpenSsl (>= 4.3.2)
      runtime.ubuntu.14.04-x64.runtime.native.System.Security.Cryptography.OpenSsl (>= 4.3.2)
      runtime.ubuntu.16.04-x64.runtime.native.System.Security.Cryptography.OpenSsl (>= 4.3.2)
      runtime.ubuntu.16.10-x64.runtime.native.System.Security.Cryptography.OpenSsl (>= 4.3.2)
    runtime.opensuse.13.2-x64.runtime.native.System.Security.Cryptography.OpenSsl (4.3.2) - restriction: || (&& (== net40) (== net48)) (&& (== net48) (== netstandard2.0)) (&& (== net48) (< net46)) (== net50)
    runtime.opensuse.42.1-x64.runtime.native.System.Security.Cryptography.OpenSsl (4.3.2) - restriction: || (&& (== net40) (== net48)) (&& (== net48) (== netstandard2.0)) (&& (== net48) (< net46)) (== net50)
    runtime.osx.10.10-x64.runtime.native.System.Security.Cryptography.Apple (4.3.1) - restriction: || (&& (== net40) (== net48)) (&& (== net48) (== netstandard2.0)) (&& (== net48) (< net46)) (== net50)
    runtime.osx.10.10-x64.runtime.native.System.Security.Cryptography.OpenSsl (4.3.2) - restriction: || (&& (== net40) (== net48)) (&& (== net48) (== netstandard2.0)) (&& (== net48) (< net46)) (== net50)
    runtime.rhel.7-x64.runtime.native.System.Security.Cryptography.OpenSsl (4.3.2) - restriction: || (&& (== net40) (== net48)) (&& (== net48) (== netstandard2.0)) (&& (== net48) (< net46)) (== net50)
    runtime.ubuntu.14.04-x64.runtime.native.System.Security.Cryptography.OpenSsl (4.3.2) - restriction: || (&& (== net40) (== net48)) (&& (== net48) (== netstandard2.0)) (&& (== net48) (< net46)) (== net50)
    runtime.ubuntu.16.04-x64.runtime.native.System.Security.Cryptography.OpenSsl (4.3.2) - restriction: || (&& (== net40) (== net48)) (&& (== net48) (== netstandard2.0)) (&& (== net48) (< net46)) (== net50)
    runtime.ubuntu.16.10-x64.runtime.native.System.Security.Cryptography.OpenSsl (4.3.2) - restriction: || (&& (== net40) (== net48)) (&& (== net48) (== netstandard2.0)) (&& (== net48) (< net46)) (== net50)
    System.AppContext (4.3) - restriction: || (== net48) (== net50)
      System.Runtime (>= 4.3) - restriction: || (&& (== net40) (>= netstandard1.3)) (&& (== net40) (>= netstandard1.6)) (&& (== net461) (< net46)) (&& (== net48) (< net46)) (== net50) (== netstandard2.0)
    System.Buffers (4.4) - restriction: || (== net48) (== net50)
    System.CodeDom (4.5) - restriction: || (&& (== net40) (== net48)) (&& (== net48) (== netstandard2.0)) (&& (== net48) (< net45)) (&& (== net48) (>= netcoreapp2.0)) (== net50)
    System.Collections (4.3) - restriction: || (== net48) (== net50)
      Microsoft.NETCore.Platforms (>= 1.1) - restriction: || (&& (== net40) (>= netstandard1.0)) (&& (== net40) (>= netstandard1.3)) (&& (== net461) (< net45)) (&& (== net48) (< net45)) (== net50) (== netstandard2.0)
      Microsoft.NETCore.Targets (>= 1.1) - restriction: || (&& (== net40) (>= netstandard1.0)) (&& (== net40) (>= netstandard1.3)) (&& (== net461) (< net45)) (&& (== net48) (< net45)) (== net50) (== netstandard2.0)
      System.Runtime (>= 4.3) - restriction: || (&& (== net40) (>= netstandard1.0)) (&& (== net40) (>= netstandard1.3)) (&& (== net461) (< net45)) (&& (== net48) (< net45)) (== net50) (== netstandard2.0)
    System.Collections.Concurrent (4.3) - restriction: || (== net48) (== net50)
      System.Collections (>= 4.3) - restriction: || (&& (== net40) (>= netstandard1.3)) (&& (== net461) (< net45)) (&& (== net48) (< net45)) (== net50) (== netstandard2.0)
      System.Diagnostics.Debug (>= 4.3) - restriction: || (&& (== net40) (>= netstandard1.3)) (&& (== net461) (< net45)) (&& (== net48) (< net45)) (== net50) (== netstandard2.0)
      System.Diagnostics.Tracing (>= 4.3) - restriction: || (&& (== net40) (>= netstandard1.3)) (&& (== net461) (< net45)) (&& (== net48) (< net45)) (== net50) (== netstandard2.0)
      System.Globalization (>= 4.3) - restriction: || (&& (== net40) (>= netstandard1.3)) (&& (== net461) (< net45)) (&& (== net48) (< net45)) (== net50) (== netstandard2.0)
      System.Reflection (>= 4.3) - restriction: || (&& (== net40) (>= netstandard1.3)) (&& (== net461) (< net45)) (&& (== net48) (< net45)) (== net50) (== netstandard2.0)
      System.Resources.ResourceManager (>= 4.3) - restriction: || (&& (== net40) (>= netstandard1.3)) (&& (== net461) (< net45)) (&& (== net48) (< net45)) (== net50) (== netstandard2.0)
      System.Runtime (>= 4.3) - restriction: || (&& (== net40) (>= netstandard1.1)) (&& (== net40) (>= netstandard1.3)) (&& (== net461) (< net45)) (&& (== net48) (< net45)) (== net50) (== netstandard2.0)
      System.Runtime.Extensions (>= 4.3) - restriction: || (&& (== net40) (>= netstandard1.3)) (&& (== net461) (< net45)) (&& (== net48) (< net45)) (== net50) (== netstandard2.0)
      System.Threading (>= 4.3) - restriction: || (&& (== net40) (>= netstandard1.3)) (&& (== net461) (< net45)) (&& (== net48) (< net45)) (== net50) (== netstandard2.0)
      System.Threading.Tasks (>= 4.3) - restriction: || (&& (== net40) (>= netstandard1.1)) (&& (== net40) (>= netstandard1.3)) (&& (== net461) (< net45)) (&& (== net48) (< net45)) (== net50) (== netstandard2.0)
    System.Collections.Immutable (1.5) - restriction: || (== net48) (== net50)
    System.Collections.NonGeneric (4.3) - restriction: || (&& (== net48) (>= netcoreapp2.1)) (== net50)
      System.Diagnostics.Debug (>= 4.3) - restriction: || (&& (== net40) (>= netstandard1.3)) (&& (== net461) (< net46)) (&& (== net48) (< net46)) (== net50) (== netstandard2.0)
      System.Globalization (>= 4.3) - restriction: || (&& (== net40) (>= netstandard1.3)) (&& (== net461) (< net46)) (&& (== net48) (< net46)) (== net50) (== netstandard2.0)
      System.Resources.ResourceManager (>= 4.3) - restriction: || (&& (== net40) (>= netstandard1.3)) (&& (== net461) (< net46)) (&& (== net48) (< net46)) (== net50) (== netstandard2.0)
      System.Runtime (>= 4.3) - restriction: || (&& (== net40) (>= netstandard1.3)) (&& (== net461) (< net46)) (&& (== net48) (< net46)) (== net50) (== netstandard2.0)
      System.Runtime.Extensions (>= 4.3) - restriction: || (&& (== net40) (>= netstandard1.3)) (&& (== net461) (< net46)) (&& (== net48) (< net46)) (== net50) (== netstandard2.0)
      System.Threading (>= 4.3) - restriction: || (&& (== net40) (>= netstandard1.3)) (&& (== net461) (< net46)) (&& (== net48) (< net46)) (== net50) (== netstandard2.0)
    System.Collections.Specialized (4.3) - restriction: || (&& (== net48) (>= netcoreapp2.1)) (== net50)
      System.Collections.NonGeneric (>= 4.3) - restriction: || (&& (== net40) (>= netstandard1.3)) (&& (== net461) (< net46)) (&& (== net48) (< net46)) (== net50) (== netstandard2.0)
      System.Globalization (>= 4.3) - restriction: || (&& (== net40) (>= netstandard1.3)) (&& (== net461) (< net46)) (&& (== net48) (< net46)) (== net50) (== netstandard2.0)
      System.Globalization.Extensions (>= 4.3) - restriction: || (&& (== net40) (>= netstandard1.3)) (&& (== net461) (< net46)) (&& (== net48) (< net46)) (== net50) (== netstandard2.0)
      System.Resources.ResourceManager (>= 4.3) - restriction: || (&& (== net40) (>= netstandard1.3)) (&& (== net461) (< net46)) (&& (== net48) (< net46)) (== net50) (== netstandard2.0)
      System.Runtime (>= 4.3) - restriction: || (&& (== net40) (>= netstandard1.3)) (&& (== net461) (< net46)) (&& (== net48) (< net46)) (== net50) (== netstandard2.0)
      System.Runtime.Extensions (>= 4.3) - restriction: || (&& (== net40) (>= netstandard1.3)) (&& (== net461) (< net46)) (&& (== net48) (< net46)) (== net50) (== netstandard2.0)
      System.Threading (>= 4.3) - restriction: || (&& (== net40) (>= netstandard1.3)) (&& (== net461) (< net46)) (&& (== net48) (< net46)) (== net50) (== netstandard2.0)
    System.ComponentModel (4.3) - restriction: || (&& (== net48) (>= netcoreapp2.1)) (== net50)
      System.Runtime (>= 4.3) - restriction: || (&& (== net40) (>= netstandard1.0)) (&& (== net40) (>= netstandard1.3)) (&& (== net461) (< net45)) (&& (== net48) (< net45)) (== net50) (== netstandard2.0)
    System.ComponentModel.EventBasedAsync (4.3) - restriction: || (&& (== net48) (>= netcoreapp2.1)) (== net50)
      System.Resources.ResourceManager (>= 4.3) - restriction: || (&& (== net40) (>= netstandard1.3)) (&& (== net461) (< net45)) (&& (== net48) (< net45)) (== net50) (== netstandard2.0)
      System.Runtime (>= 4.3) - restriction: || (&& (== net40) (>= netstandard1.0)) (&& (== net40) (>= netstandard1.3)) (&& (== net461) (< net45)) (&& (== net48) (< net45)) (== net50) (== netstandard2.0)
      System.Threading (>= 4.3) - restriction: || (&& (== net40) (>= netstandard1.3)) (&& (== net461) (< net45)) (&& (== net48) (< net45)) (== net50) (== netstandard2.0)
      System.Threading.Tasks (>= 4.3) - restriction: || (&& (== net40) (>= netstandard1.3)) (&& (== net461) (< net45)) (&& (== net48) (< net45)) (== net50) (== netstandard2.0)
    System.ComponentModel.Primitives (4.3) - restriction: || (&& (== net48) (>= netcoreapp2.1)) (== net50)
      System.ComponentModel (>= 4.3) - restriction: || (&& (== net40) (>= netstandard1.0)) (&& (== net461) (< net45)) (&& (== net48) (< net45)) (== net50) (== netstandard2.0)
      System.Resources.ResourceManager (>= 4.3) - restriction: || (&& (== net40) (>= netstandard1.0)) (&& (== net461) (< net45)) (&& (== net48) (< net45)) (== net50) (== netstandard2.0)
      System.Runtime (>= 4.3) - restriction: || (&& (== net40) (>= netstandard1.0)) (&& (== net461) (< net45)) (&& (== net48) (< net45)) (== net50) (== netstandard2.0)
    System.ComponentModel.TypeConverter (4.3) - restriction: || (&& (== net48) (>= netcoreapp2.1)) (== net50)
      System.Collections (>= 4.3) - restriction: || (&& (== net40) (>= netstandard1.0)) (&& (== net40) (>= netstandard1.5)) (&& (== net461) (< net45)) (&& (== net48) (< net45)) (== net50) (== netstandard2.0)
      System.Collections.NonGeneric (>= 4.3) - restriction: || (&& (== net40) (>= net462)) (&& (== net40) (>= netstandard1.5)) (&& (== net461) (< net45) (>= netstandard1.5)) (&& (== net461) (>= net462)) (== net48) (== net50) (== netstandard2.0)
      System.Collections.Specialized (>= 4.3) - restriction: || (&& (== net40) (>= netstandard1.5)) (&& (== net461) (< net45) (>= netstandard1.5)) (&& (== net48) (< net45)) (== net50) (== netstandard2.0)
      System.ComponentModel (>= 4.3) - restriction: || (&& (== net40) (>= netstandard1.0)) (&& (== net40) (>= netstandard1.5)) (&& (== net461) (< net45)) (&& (== net48) (< net45)) (== net50) (== netstandard2.0)
      System.ComponentModel.Primitives (>= 4.3) - restriction: || (&& (== net40) (>= net45)) (&& (== net40) (>= net462)) (&& (== net40) (>= netstandard1.0)) (&& (== net40) (>= netstandard1.5)) (&& (== net40) (>= win8)) (&& (== net40) (>= wp8)) (&& (== net40) (>= wpa81)) (== net461) (== net48) (== net50) (== netstandard2.0)
      System.Globalization (>= 4.3) - restriction: || (&& (== net40) (>= netstandard1.0)) (&& (== net40) (>= netstandard1.5)) (&& (== net461) (< net45)) (&& (== net48) (< net45)) (== net50) (== netstandard2.0)
      System.Linq (>= 4.3) - restriction: || (&& (== net40) (>= netstandard1.5)) (&& (== net461) (< net45) (>= netstandard1.5)) (&& (== net48) (< net45)) (== net50) (== netstandard2.0)
      System.Reflection (>= 4.3) - restriction: || (&& (== net40) (>= netstandard1.0)) (&& (== net40) (>= netstandard1.5)) (&& (== net461) (< net45)) (&& (== net48) (< net45)) (== net50) (== netstandard2.0)
      System.Reflection.Extensions (>= 4.3) - restriction: || (&& (== net40) (>= netstandard1.0)) (&& (== net40) (>= netstandard1.5)) (&& (== net461) (< net45)) (&& (== net48) (< net45)) (== net50) (== netstandard2.0)
      System.Reflection.Primitives (>= 4.3) - restriction: || (&& (== net40) (>= netstandard1.0)) (&& (== net40) (>= netstandard1.5)) (&& (== net461) (< net45)) (&& (== net48) (< net45)) (== net50) (== netstandard2.0)
      System.Reflection.TypeExtensions (>= 4.3) - restriction: || (&& (== net40) (>= netstandard1.5)) (&& (== net461) (< net45) (>= netstandard1.5)) (&& (== net48) (< net45)) (== net50) (== netstandard2.0)
      System.Resources.ResourceManager (>= 4.3) - restriction: || (&& (== net40) (>= netstandard1.0)) (&& (== net40) (>= netstandard1.5)) (&& (== net461) (< net45)) (&& (== net48) (< net45)) (== net50) (== netstandard2.0)
      System.Runtime (>= 4.3) - restriction: || (&& (== net40) (>= netstandard1.0)) (&& (== net40) (>= netstandard1.5)) (&& (== net461) (< net45)) (&& (== net48) (< net45)) (== net50) (== netstandard2.0)
      System.Runtime.Extensions (>= 4.3) - restriction: || (&& (== net40) (>= netstandard1.0)) (&& (== net40) (>= netstandard1.5)) (&& (== net461) (< net45)) (&& (== net48) (< net45)) (== net50) (== netstandard2.0)
      System.Threading (>= 4.3) - restriction: || (&& (== net40) (>= netstandard1.0)) (&& (== net40) (>= netstandard1.5)) (&& (== net461) (< net45)) (&& (== net48) (< net45)) (== net50) (== netstandard2.0)
    System.Console (4.3) - restriction: || (== net48) (== net50)
      Microsoft.NETCore.Platforms (>= 1.1) - restriction: || (&& (== net40) (>= netstandard1.3)) (&& (== net461) (< net46)) (&& (== net48) (< net46)) (== net50) (== netstandard2.0)
      Microsoft.NETCore.Targets (>= 1.1) - restriction: || (&& (== net40) (>= netstandard1.3)) (&& (== net461) (< net46)) (&& (== net48) (< net46)) (== net50) (== netstandard2.0)
      System.IO (>= 4.3) - restriction: || (&& (== net40) (>= netstandard1.3)) (&& (== net461) (< net46)) (&& (== net48) (< net46)) (== net50) (== netstandard2.0)
      System.Runtime (>= 4.3) - restriction: || (&& (== net40) (>= netstandard1.3)) (&& (== net461) (< net46)) (&& (== net48) (< net46)) (== net50) (== netstandard2.0)
      System.Text.Encoding (>= 4.3) - restriction: || (&& (== net40) (>= netstandard1.3)) (&& (== net461) (< net46)) (&& (== net48) (< net46)) (== net50) (== netstandard2.0)
    System.Diagnostics.Debug (4.3) - restriction: || (== net48) (== net50)
      Microsoft.NETCore.Platforms (>= 1.1) - restriction: || (&& (== net40) (>= netstandard1.0)) (&& (== net40) (>= netstandard1.3)) (&& (== net461) (< net45)) (&& (== net48) (< net45)) (== net50) (== netstandard2.0)
      Microsoft.NETCore.Targets (>= 1.1) - restriction: || (&& (== net40) (>= netstandard1.0)) (&& (== net40) (>= netstandard1.3)) (&& (== net461) (< net45)) (&& (== net48) (< net45)) (== net50) (== netstandard2.0)
      System.Runtime (>= 4.3) - restriction: || (&& (== net40) (>= netstandard1.0)) (&& (== net40) (>= netstandard1.3)) (&& (== net461) (< net45)) (&& (== net48) (< net45)) (== net50) (== netstandard2.0)
    System.Diagnostics.FileVersionInfo (4.3) - restriction: || (== net48) (== net50)
      Microsoft.NETCore.Platforms (>= 1.1) - restriction: || (&& (== net40) (>= netstandard1.3)) (&& (== net461) (< net46)) (&& (== net48) (< net46)) (== net50) (== netstandard2.0)
      System.Globalization (>= 4.3) - restriction: || (&& (== net40) (>= netstandard1.3)) (&& (== net461) (< net46)) (&& (== net48) (< net46)) (== net50) (== netstandard2.0)
      System.IO (>= 4.3) - restriction: || (&& (== net40) (>= netstandard1.3)) (&& (== net461) (< net46)) (&& (== net48) (< net46)) (== net50) (== netstandard2.0)
      System.IO.FileSystem (>= 4.3) - restriction: || (&& (== net40) (>= netstandard1.3)) (&& (== net461) (< net46)) (&& (== net48) (< net46)) (== net50) (== netstandard2.0)
      System.IO.FileSystem.Primitives (>= 4.3) - restriction: || (&& (== net40) (>= netstandard1.3)) (&& (== net461) (< net46)) (&& (== net48) (< net46)) (== net50) (== netstandard2.0)
      System.Reflection.Metadata (>= 1.4.1) - restriction: || (&& (== net40) (>= netstandard1.3)) (&& (== net461) (< net46)) (&& (== net48) (< net46)) (== net50) (== netstandard2.0)
      System.Runtime (>= 4.3) - restriction: || (&& (== net40) (>= netstandard1.3)) (&& (== net461) (< net46)) (&& (== net48) (< net46)) (== net50) (== netstandard2.0)
      System.Runtime.Extensions (>= 4.3) - restriction: || (&& (== net40) (>= netstandard1.3)) (&& (== net461) (< net46)) (&& (== net48) (< net46)) (== net50) (== netstandard2.0)
      System.Runtime.InteropServices (>= 4.3) - restriction: || (&& (== net40) (>= netstandard1.3)) (&& (== net461) (< net46)) (&& (== net48) (< net46)) (== net50) (== netstandard2.0)
    System.Diagnostics.Process (4.3) - restriction: || (&& (== net48) (>= netcoreapp2.1)) (== net50)
      Microsoft.NETCore.Platforms (>= 1.1) - restriction: || (&& (== net40) (>= netstandard1.4)) (&& (== net461) (< net46)) (&& (== net48) (< net46)) (== net50) (== netstandard2.0)
      Microsoft.Win32.Primitives (>= 4.3) - restriction: || (&& (== net40) (>= netstandard1.4)) (&& (== net461) (< net46)) (&& (== net48) (< net46)) (== net50) (== netstandard2.0)
      Microsoft.Win32.Registry (>= 4.3) - restriction: || (&& (== net40) (>= netstandard1.4)) (&& (== net461) (< net46)) (&& (== net48) (< net46)) (== net50) (== netstandard2.0)
      runtime.native.System (>= 4.3) - restriction: || (&& (== net40) (>= netstandard1.4)) (&& (== net461) (< net46)) (&& (== net48) (< net46)) (== net50) (== netstandard2.0)
      System.Collections (>= 4.3) - restriction: || (&& (== net40) (>= netstandard1.4)) (&& (== net461) (< net46)) (&& (== net48) (< net46)) (== net50) (== netstandard2.0)
      System.Diagnostics.Debug (>= 4.3) - restriction: || (&& (== net40) (>= netstandard1.4)) (&& (== net461) (< net46)) (&& (== net48) (< net46)) (== net50) (== netstandard2.0)
      System.Globalization (>= 4.3) - restriction: || (&& (== net40) (>= netstandard1.4)) (&& (== net461) (< net46)) (&& (== net48) (< net46)) (== net50) (== netstandard2.0)
      System.IO (>= 4.3) - restriction: || (&& (== net40) (>= netstandard1.3)) (&& (== net40) (>= netstandard1.4)) (&& (== net461) (< net46)) (&& (== net48) (< net46)) (== net50) (== netstandard2.0)
      System.IO.FileSystem (>= 4.3) - restriction: || (&& (== net40) (>= netstandard1.4)) (&& (== net461) (< net46)) (&& (== net48) (< net46)) (== net50) (== netstandard2.0)
      System.IO.FileSystem.Primitives (>= 4.3) - restriction: || (&& (== net40) (>= netstandard1.4)) (&& (== net461) (< net46)) (&& (== net48) (< net46)) (== net50) (== netstandard2.0)
      System.Resources.ResourceManager (>= 4.3) - restriction: || (&& (== net40) (>= netstandard1.4)) (&& (== net461) (< net46)) (&& (== net48) (< net46)) (== net50) (== netstandard2.0)
      System.Runtime (>= 4.3) - restriction: || (&& (== net40) (>= netstandard1.3)) (&& (== net40) (>= netstandard1.4)) (&& (== net461) (< net46)) (&& (== net48) (< net46)) (== net50) (== netstandard2.0)
      System.Runtime.Extensions (>= 4.3) - restriction: || (&& (== net40) (>= netstandard1.4)) (&& (== net461) (< net46)) (&& (== net48) (< net46)) (== net50) (== netstandard2.0)
      System.Runtime.Handles (>= 4.3) - restriction: || (&& (== net40) (>= netstandard1.3)) (&& (== net40) (>= netstandard1.4)) (&& (== net461) (< net46)) (&& (== net48) (< net46)) (== net50) (== netstandard2.0)
      System.Runtime.InteropServices (>= 4.3) - restriction: || (&& (== net40) (>= netstandard1.4)) (&& (== net461) (< net46)) (&& (== net48) (< net46)) (== net50) (== netstandard2.0)
      System.Text.Encoding (>= 4.3) - restriction: || (&& (== net40) (>= netstandard1.3)) (&& (== net40) (>= netstandard1.4)) (&& (== net461) (< net46)) (&& (== net48) (< net46)) (== net50) (== netstandard2.0)
      System.Text.Encoding.Extensions (>= 4.3) - restriction: || (&& (== net40) (>= netstandard1.4)) (&& (== net461) (< net46)) (&& (== net48) (< net46)) (== net50) (== netstandard2.0)
      System.Threading (>= 4.3) - restriction: || (&& (== net40) (>= netstandard1.4)) (&& (== net461) (< net46)) (&& (== net48) (< net46)) (== net50) (== netstandard2.0)
      System.Threading.Tasks (>= 4.3) - restriction: || (&& (== net40) (>= netstandard1.4)) (&& (== net461) (< net46)) (&& (== net48) (< net46)) (== net50) (== netstandard2.0)
      System.Threading.Thread (>= 4.3) - restriction: || (&& (== net40) (>= netstandard1.4)) (&& (== net461) (< net46)) (&& (== net48) (< net46)) (== net50) (== netstandard2.0)
      System.Threading.ThreadPool (>= 4.3) - restriction: || (&& (== net40) (>= netstandard1.4)) (&& (== net461) (< net46)) (&& (== net48) (< net46)) (== net50) (== netstandard2.0)
    System.Diagnostics.StackTrace (4.3) - restriction: || (== net48) (== net50)
      System.IO.FileSystem (>= 4.3) - restriction: || (&& (== net40) (>= netstandard1.3)) (&& (== net461) (< net46)) (&& (== net48) (< net46)) (== net50) (== netstandard2.0)
      System.Reflection (>= 4.3) - restriction: || (&& (== net40) (>= netstandard1.3)) (&& (== net461) (< net46)) (&& (== net48) (< net46)) (== net50) (== netstandard2.0)
      System.Reflection.Metadata (>= 1.4.1) - restriction: || (&& (== net40) (>= netstandard1.3)) (&& (== net461) (< net46)) (&& (== net48) (< net46)) (== net50) (== netstandard2.0)
      System.Runtime (>= 4.3) - restriction: || (&& (== net40) (>= netstandard1.3)) (&& (== net461) (< net46)) (&& (== net48) (< net46)) (== net50) (== netstandard2.0)
    System.Diagnostics.Tools (4.3) - restriction: || (== net48) (== net50)
      Microsoft.NETCore.Platforms (>= 1.1) - restriction: || (&& (== net40) (>= netstandard1.0)) (&& (== net461) (< net45)) (&& (== net48) (< net45)) (== net50) (== netstandard2.0)
      Microsoft.NETCore.Targets (>= 1.1) - restriction: || (&& (== net40) (>= netstandard1.0)) (&& (== net461) (< net45)) (&& (== net48) (< net45)) (== net50) (== netstandard2.0)
      System.Runtime (>= 4.3) - restriction: || (&& (== net40) (>= netstandard1.0)) (&& (== net461) (< net45)) (&& (== net48) (< net45)) (== net50) (== netstandard2.0)
    System.Diagnostics.Tracing (4.3) - restriction: || (&& (== net40) (== net48)) (&& (== net48) (== netstandard2.0)) (&& (== net48) (< net45)) (== net50)
      Microsoft.NETCore.Platforms (>= 1.1) - restriction: || (&& (== net40) (>= netstandard1.1)) (&& (== net40) (>= netstandard1.2)) (&& (== net40) (>= netstandard1.3)) (&& (== net40) (>= netstandard1.5)) (&& (== net461) (< net45)) (&& (== net48) (< net45)) (== net50) (== netstandard2.0)
      Microsoft.NETCore.Targets (>= 1.1) - restriction: || (&& (== net40) (>= netstandard1.1)) (&& (== net40) (>= netstandard1.2)) (&& (== net40) (>= netstandard1.3)) (&& (== net40) (>= netstandard1.5)) (&& (== net461) (< net45)) (&& (== net48) (< net45)) (== net50) (== netstandard2.0)
      System.Runtime (>= 4.3) - restriction: || (&& (== net40) (>= netstandard1.1)) (&& (== net40) (>= netstandard1.2)) (&& (== net40) (>= netstandard1.3)) (&& (== net40) (>= netstandard1.5)) (&& (== net461) (< net45)) (&& (== net48) (< net45)) (== net50) (== netstandard2.0)
    System.Dynamic.Runtime (4.3) - restriction: || (== net48) (== net50)
      System.Collections (>= 4.3) - restriction: || (&& (== net40) (>= netstandard1.3)) (&& (== net461) (< net45)) (&& (== net48) (< net45)) (== net50) (== netstandard2.0)
      System.Diagnostics.Debug (>= 4.3) - restriction: || (&& (== net40) (>= netstandard1.3)) (&& (== net461) (< net45)) (&& (== net48) (< net45)) (== net50) (== netstandard2.0)
      System.Linq (>= 4.3) - restriction: || (&& (== net40) (>= netstandard1.3)) (&& (== net461) (< net45)) (&& (== net48) (< net45)) (== net50) (== netstandard2.0)
      System.Linq.Expressions (>= 4.3) - restriction: || (&& (== net40) (>= netstandard1.0)) (&& (== net40) (>= netstandard1.3)) (&& (== net461) (< net45)) (&& (== net48) (< net45)) (== net50) (== netstandard2.0)
      System.ObjectModel (>= 4.3) - restriction: || (&& (== net40) (>= netstandard1.0)) (&& (== net40) (>= netstandard1.3)) (&& (== net461) (< net45)) (&& (== net48) (< net45)) (== net50) (== netstandard2.0)
      System.Reflection (>= 4.3) - restriction: || (&& (== net40) (>= netstandard1.0)) (&& (== net40) (>= netstandard1.3)) (&& (== net461) (< net45)) (&& (== net48) (< net45)) (== net50) (== netstandard2.0)
      System.Reflection.Emit (>= 4.3) - restriction: || (&& (== net40) (>= netstandard1.3)) (&& (== net461) (< net45)) (&& (== net48) (< net45)) (== net50) (== netstandard2.0)
      System.Reflection.Emit.ILGeneration (>= 4.3) - restriction: || (&& (== net40) (>= netstandard1.3)) (&& (== net461) (< net45)) (&& (== net48) (< net45)) (== net50) (== netstandard2.0)
      System.Reflection.Primitives (>= 4.3) - restriction: || (&& (== net40) (>= netstandard1.3)) (&& (== net461) (< net45)) (&& (== net48) (< net45)) (== net50) (== netstandard2.0)
      System.Reflection.TypeExtensions (>= 4.3) - restriction: || (&& (== net40) (>= netstandard1.3)) (&& (== net461) (< net45)) (&& (== net48) (< net45)) (== net50) (== netstandard2.0)
      System.Resources.ResourceManager (>= 4.3) - restriction: || (&& (== net40) (>= netstandard1.3)) (&& (== net461) (< net45)) (&& (== net48) (< net45)) (== net50) (== netstandard2.0)
      System.Runtime (>= 4.3) - restriction: || (&& (== net40) (>= netstandard1.0)) (&& (== net40) (>= netstandard1.3)) (&& (== net461) (< net45)) (&& (== net48) (< net45)) (== net50) (== netstandard2.0)
      System.Runtime.Extensions (>= 4.3) - restriction: || (&& (== net40) (>= netstandard1.3)) (&& (== net461) (< net45)) (&& (== net48) (< net45)) (== net50) (== netstandard2.0)
      System.Threading (>= 4.3) - restriction: || (&& (== net40) (>= netstandard1.3)) (&& (== net461) (< net45)) (&& (== net48) (< net45)) (== net50) (== netstandard2.0)
    System.Globalization (4.3) - restriction: || (== net48) (== net50)
      Microsoft.NETCore.Platforms (>= 1.1) - restriction: || (&& (== net40) (>= netstandard1.0)) (&& (== net40) (>= netstandard1.3)) (&& (== net461) (< net45)) (&& (== net48) (< net45)) (== net50) (== netstandard2.0)
      Microsoft.NETCore.Targets (>= 1.1) - restriction: || (&& (== net40) (>= netstandard1.0)) (&& (== net40) (>= netstandard1.3)) (&& (== net461) (< net45)) (&& (== net48) (< net45)) (== net50) (== netstandard2.0)
      System.Runtime (>= 4.3) - restriction: || (&& (== net40) (>= netstandard1.0)) (&& (== net40) (>= netstandard1.3)) (&& (== net461) (< net45)) (&& (== net48) (< net45)) (== net50) (== netstandard2.0)
    System.Globalization.Calendars (4.3) - restriction: || (&& (== net40) (== net48)) (&& (== net48) (== netstandard2.0)) (&& (== net48) (< net46)) (== net50)
      Microsoft.NETCore.Platforms (>= 1.1) - restriction: || (&& (== net40) (>= netstandard1.3)) (&& (== net461) (< net46)) (&& (== net48) (< net46)) (== net50) (== netstandard2.0)
      Microsoft.NETCore.Targets (>= 1.1) - restriction: || (&& (== net40) (>= netstandard1.3)) (&& (== net461) (< net46)) (&& (== net48) (< net46)) (== net50) (== netstandard2.0)
      System.Globalization (>= 4.3) - restriction: || (&& (== net40) (>= netstandard1.3)) (&& (== net461) (< net46)) (&& (== net48) (< net46)) (== net50) (== netstandard2.0)
      System.Runtime (>= 4.3) - restriction: || (&& (== net40) (>= netstandard1.3)) (&& (== net461) (< net46)) (&& (== net48) (< net46)) (== net50) (== netstandard2.0)
    System.Globalization.Extensions (4.3) - restriction: || (&& (== net48) (>= netcoreapp2.1)) (== net50)
      Microsoft.NETCore.Platforms (>= 1.1) - restriction: || (&& (== net40) (>= netstandard1.3)) (&& (== net461) (< net46)) (&& (== net48) (< net46)) (== net50) (== netstandard2.0)
      System.Globalization (>= 4.3) - restriction: || (&& (== net40) (>= netstandard1.3)) (&& (== net461) (< net46)) (&& (== net48) (< net46)) (== net50) (== netstandard2.0)
      System.Resources.ResourceManager (>= 4.3) - restriction: || (&& (== net40) (>= netstandard1.3)) (&& (== net461) (< net46)) (&& (== net48) (< net46)) (== net50) (== netstandard2.0)
      System.Runtime (>= 4.3) - restriction: || (&& (== net40) (>= netstandard1.3)) (&& (== net461) (< net46)) (&& (== net48) (< net46)) (== net50) (== netstandard2.0)
      System.Runtime.Extensions (>= 4.3) - restriction: || (&& (== net40) (>= netstandard1.3)) (&& (== net461) (< net46)) (&& (== net48) (< net46)) (== net50) (== netstandard2.0)
      System.Runtime.InteropServices (>= 4.3) - restriction: || (&& (== net40) (>= netstandard1.3)) (&& (== net461) (< net46)) (&& (== net48) (< net46)) (== net50) (== netstandard2.0)
    System.IO (4.3) - restriction: || (== net48) (== net50)
      Microsoft.NETCore.Platforms (>= 1.1) - restriction: || (&& (== net40) (>= netstandard1.0)) (&& (== net40) (>= netstandard1.3)) (&& (== net40) (>= netstandard1.5)) (&& (== net461) (< net45)) (&& (== net48) (< net45)) (== net50) (== netstandard2.0)
      Microsoft.NETCore.Targets (>= 1.1) - restriction: || (&& (== net40) (>= netstandard1.0)) (&& (== net40) (>= netstandard1.3)) (&& (== net40) (>= netstandard1.5)) (&& (== net461) (< net45)) (&& (== net48) (< net45)) (== net50) (== netstandard2.0)
      System.Runtime (>= 4.3) - restriction: || (&& (== net40) (>= netstandard1.0)) (&& (== net40) (>= netstandard1.3)) (&& (== net40) (>= netstandard1.5)) (&& (== net461) (< net45)) (&& (== net48) (< net45)) (== net50) (== netstandard2.0)
      System.Text.Encoding (>= 4.3) - restriction: || (&& (== net40) (>= netstandard1.0)) (&& (== net40) (>= netstandard1.3)) (&& (== net40) (>= netstandard1.5)) (&& (== net461) (< net45)) (&& (== net48) (< net45)) (== net50) (== netstandard2.0)
      System.Threading.Tasks (>= 4.3) - restriction: || (&& (== net40) (>= netstandard1.0)) (&& (== net40) (>= netstandard1.3)) (&& (== net40) (>= netstandard1.5)) (&& (== net461) (< net45)) (&& (== net48) (< net45)) (== net50) (== netstandard2.0)
    System.IO.Compression (4.3) - restriction: || (== net48) (== net50)
      Microsoft.NETCore.Platforms (>= 1.1) - restriction: || (&& (== net40) (>= netstandard1.3)) (&& (== net461) (< net45)) (&& (== net48) (< net45)) (== net50) (== netstandard2.0)
      runtime.native.System (>= 4.3) - restriction: || (&& (== net40) (>= netstandard1.3)) (&& (== net461) (< net45)) (&& (== net48) (< net45)) (== net50) (== netstandard2.0)
      runtime.native.System.IO.Compression (>= 4.3) - restriction: || (&& (== net40) (>= netstandard1.3)) (&& (== net461) (< net45)) (&& (== net48) (< net45)) (== net50) (== netstandard2.0)
      System.Buffers (>= 4.3) - restriction: || (&& (== net40) (>= netstandard1.3)) (&& (== net461) (< net45)) (&& (== net48) (< net45)) (== net50) (== netstandard2.0)
      System.Collections (>= 4.3) - restriction: || (&& (== net40) (>= netstandard1.3)) (&& (== net461) (< net45)) (&& (== net48) (< net45)) (== net50) (== netstandard2.0)
      System.Diagnostics.Debug (>= 4.3) - restriction: || (&& (== net40) (>= netstandard1.3)) (&& (== net461) (< net45)) (&& (== net48) (< net45)) (== net50) (== netstandard2.0)
      System.IO (>= 4.3) - restriction: || (&& (== net40) (>= netstandard1.1)) (&& (== net40) (>= netstandard1.3)) (&& (== net461) (< net45)) (&& (== net48) (< net45)) (== net50) (== netstandard2.0)
      System.Resources.ResourceManager (>= 4.3) - restriction: || (&& (== net40) (>= netstandard1.3)) (&& (== net461) (< net45)) (&& (== net48) (< net45)) (== net50) (== netstandard2.0)
      System.Runtime (>= 4.3) - restriction: || (&& (== net40) (>= netstandard1.1)) (&& (== net40) (>= netstandard1.3)) (&& (== net461) (< net45)) (&& (== net48) (< net45)) (== net50) (== netstandard2.0)
      System.Runtime.Extensions (>= 4.3) - restriction: || (&& (== net40) (>= netstandard1.3)) (&& (== net461) (< net45)) (&& (== net48) (< net45)) (== net50) (== netstandard2.0)
      System.Runtime.Handles (>= 4.3) - restriction: || (&& (== net40) (>= netstandard1.3)) (&& (== net461) (< net45)) (&& (== net48) (< net45)) (== net50) (== netstandard2.0)
      System.Runtime.InteropServices (>= 4.3) - restriction: || (&& (== net40) (>= netstandard1.3)) (&& (== net461) (< net45)) (&& (== net48) (< net45)) (== net50) (== netstandard2.0)
      System.Text.Encoding (>= 4.3) - restriction: || (&& (== net40) (>= netstandard1.1)) (&& (== net40) (>= netstandard1.3)) (&& (== net461) (< net45)) (&& (== net48) (< net45)) (== net50) (== netstandard2.0)
      System.Threading (>= 4.3) - restriction: || (&& (== net40) (>= netstandard1.3)) (&& (== net461) (< net45)) (&& (== net48) (< net45)) (== net50) (== netstandard2.0)
      System.Threading.Tasks (>= 4.3) - restriction: || (&& (== net40) (>= netstandard1.3)) (&& (== net461) (< net45)) (&& (== net48) (< net45)) (== net50) (== netstandard2.0)
    System.IO.FileSystem (4.3) - restriction: || (== net48) (== net50)
      Microsoft.NETCore.Platforms (>= 1.1) - restriction: || (&& (== net40) (>= netstandard1.3)) (&& (== net461) (< net46)) (&& (== net48) (< net46)) (== net50) (== netstandard2.0)
      Microsoft.NETCore.Targets (>= 1.1) - restriction: || (&& (== net40) (>= netstandard1.3)) (&& (== net461) (< net46)) (&& (== net48) (< net46)) (== net50) (== netstandard2.0)
      System.IO (>= 4.3) - restriction: || (&& (== net40) (>= netstandard1.3)) (&& (== net461) (< net46)) (&& (== net48) (< net46)) (== net50) (== netstandard2.0)
      System.IO.FileSystem.Primitives (>= 4.3) - restriction: || (&& (== net40) (>= net46)) (&& (== net40) (>= netstandard1.3)) (== net461) (== net48) (== net50) (== netstandard2.0)
      System.Runtime (>= 4.3) - restriction: || (&& (== net40) (>= netstandard1.3)) (&& (== net461) (< net46)) (&& (== net48) (< net46)) (== net50) (== netstandard2.0)
      System.Runtime.Handles (>= 4.3) - restriction: || (&& (== net40) (>= netstandard1.3)) (&& (== net461) (< net46)) (&& (== net48) (< net46)) (== net50) (== netstandard2.0)
      System.Text.Encoding (>= 4.3) - restriction: || (&& (== net40) (>= netstandard1.3)) (&& (== net461) (< net46)) (&& (== net48) (< net46)) (== net50) (== netstandard2.0)
      System.Threading.Tasks (>= 4.3) - restriction: || (&& (== net40) (>= netstandard1.3)) (&& (== net461) (< net46)) (&& (== net48) (< net46)) (== net50) (== netstandard2.0)
    System.IO.FileSystem.Primitives (4.3) - restriction: || (== net48) (== net50)
      System.Runtime (>= 4.3) - restriction: || (&& (== net40) (>= netstandard1.3)) (&& (== net461) (< net46)) (&& (== net48) (< net46)) (== net50) (== netstandard2.0)
    System.Linq (4.3) - restriction: || (== net48) (== net50)
      System.Collections (>= 4.3) - restriction: || (&& (== net40) (>= netstandard1.0)) (&& (== net40) (>= netstandard1.6)) (&& (== net461) (< net45)) (&& (== net48) (< net45)) (== net50) (== netstandard2.0)
      System.Diagnostics.Debug (>= 4.3) - restriction: || (&& (== net40) (>= netstandard1.6)) (&& (== net461) (< net45) (>= netstandard1.6)) (&& (== net48) (< net45)) (== net50) (== netstandard2.0)
      System.Resources.ResourceManager (>= 4.3) - restriction: || (&& (== net40) (>= netstandard1.6)) (&& (== net461) (< net45) (>= netstandard1.6)) (&& (== net48) (< net45)) (== net50) (== netstandard2.0)
      System.Runtime (>= 4.3) - restriction: || (&& (== net40) (>= netstandard1.0)) (&& (== net40) (>= netstandard1.6)) (&& (== net461) (< net45)) (&& (== net48) (< net45)) (== net50) (== netstandard2.0)
      System.Runtime.Extensions (>= 4.3) - restriction: || (&& (== net40) (>= netstandard1.6)) (&& (== net461) (< net45) (>= netstandard1.6)) (&& (== net48) (< net45)) (== net50) (== netstandard2.0)
    System.Linq.Expressions (4.3) - restriction: || (== net48) (== net50)
      System.Collections (>= 4.3) - restriction: || (&& (== net40) (>= netstandard1.6)) (&& (== net461) (< net45) (>= netstandard1.6)) (&& (== net48) (< net45)) (== net50) (== netstandard2.0)
      System.Diagnostics.Debug (>= 4.3) - restriction: || (&& (== net40) (>= netstandard1.6)) (&& (== net461) (< net45) (>= netstandard1.6)) (&& (== net48) (< net45)) (== net50) (== netstandard2.0)
      System.Globalization (>= 4.3) - restriction: || (&& (== net40) (>= netstandard1.6)) (&& (== net461) (< net45) (>= netstandard1.6)) (&& (== net48) (< net45)) (== net50) (== netstandard2.0)
      System.IO (>= 4.3) - restriction: || (&& (== net40) (>= netstandard1.6)) (&& (== net461) (< net45) (>= netstandard1.6)) (&& (== net48) (< net45)) (== net50) (== netstandard2.0)
      System.Linq (>= 4.3) - restriction: || (&& (== net40) (>= netstandard1.6)) (&& (== net461) (< net45) (>= netstandard1.6)) (&& (== net48) (< net45)) (== net50) (== netstandard2.0)
      System.ObjectModel (>= 4.3) - restriction: || (&& (== net40) (>= netstandard1.6)) (&& (== net461) (< net45) (>= netstandard1.6)) (&& (== net48) (< net45)) (== net50) (== netstandard2.0)
      System.Reflection (>= 4.3) - restriction: || (&& (== net40) (>= netstandard1.0)) (&& (== net40) (>= netstandard1.3)) (&& (== net40) (>= netstandard1.6)) (&& (== net461) (< net45)) (&& (== net48) (< net45)) (== net50) (== netstandard2.0)
      System.Reflection.Emit (>= 4.3) - restriction: || (&& (== net40) (>= netstandard1.6)) (&& (== net461) (< net45) (>= netstandard1.6)) (&& (== net48) (< net45)) (== net50) (== netstandard2.0)
      System.Reflection.Emit.ILGeneration (>= 4.3) - restriction: || (&& (== net40) (>= netstandard1.6)) (&& (== net461) (< net45) (>= netstandard1.6)) (&& (== net48) (< net45)) (== net50) (== netstandard2.0)
      System.Reflection.Emit.Lightweight (>= 4.3) - restriction: || (&& (== net40) (>= netstandard1.6)) (&& (== net461) (< net45) (>= netstandard1.6)) (&& (== net48) (< net45)) (== net50) (== netstandard2.0)
      System.Reflection.Extensions (>= 4.3) - restriction: || (&& (== net40) (>= netstandard1.6)) (&& (== net461) (< net45) (>= netstandard1.6)) (&& (== net48) (< net45)) (== net50) (== netstandard2.0)
      System.Reflection.Primitives (>= 4.3) - restriction: || (&& (== net40) (>= netstandard1.6)) (&& (== net461) (< net45) (>= netstandard1.6)) (&& (== net48) (< net45)) (== net50) (== netstandard2.0)
      System.Reflection.TypeExtensions (>= 4.3) - restriction: || (&& (== net40) (>= netstandard1.6)) (&& (== net461) (< net45) (>= netstandard1.6)) (&& (== net48) (< net45)) (== net50) (== netstandard2.0)
      System.Resources.ResourceManager (>= 4.3) - restriction: || (&& (== net40) (>= netstandard1.6)) (&& (== net461) (< net45) (>= netstandard1.6)) (&& (== net48) (< net45)) (== net50) (== netstandard2.0)
      System.Runtime (>= 4.3) - restriction: || (&& (== net40) (>= netstandard1.0)) (&& (== net40) (>= netstandard1.3)) (&& (== net40) (>= netstandard1.6)) (&& (== net461) (< net45)) (&& (== net48) (< net45)) (== net50) (== netstandard2.0)
      System.Runtime.Extensions (>= 4.3) - restriction: || (&& (== net40) (>= netstandard1.6)) (&& (== net461) (< net45) (>= netstandard1.6)) (&& (== net48) (< net45)) (== net50) (== netstandard2.0)
      System.Threading (>= 4.3) - restriction: || (&& (== net40) (>= netstandard1.6)) (&& (== net461) (< net45) (>= netstandard1.6)) (&& (== net48) (< net45)) (== net50) (== netstandard2.0)
    System.Management (4.5) - restriction: || (== net48) (== net50)
      Microsoft.NETCore.Platforms (>= 2.0) - restriction: || (&& (== net40) (>= netcoreapp2.0)) (&& (== net461) (>= netcoreapp2.0)) (&& (== net48) (>= netcoreapp2.0)) (== net50) (&& (== netstandard2.0) (>= netcoreapp2.0))
      Microsoft.Win32.Registry (>= 4.5) - restriction: || (&& (== net40) (>= netcoreapp2.0)) (&& (== net461) (>= netcoreapp2.0)) (&& (== net48) (>= netcoreapp2.0)) (== net50) (&& (== netstandard2.0) (>= netcoreapp2.0))
      System.CodeDom (>= 4.5) - restriction: || (&& (== net40) (>= netcoreapp2.0)) (&& (== net40) (>= netstandard2.0)) (&& (== net461) (< net45) (>= netstandard2.0)) (&& (== net461) (>= netcoreapp2.0)) (&& (== net48) (< net45)) (&& (== net48) (>= netcoreapp2.0)) (== net50) (== netstandard2.0)
    System.Memory (4.5.3) - restriction: || (== net48) (== net50)
      System.Buffers (>= 4.4) - restriction: || (&& (== net40) (>= monoandroid)) (&& (== net40) (>= monotouch)) (&& (== net40) (>= net45)) (&& (== net40) (>= net461)) (&& (== net40) (>= netstandard1.1)) (&& (== net40) (>= netstandard2.0)) (&& (== net40) (>= portable-net45+win8+wpa81)) (&& (== net40) (>= win8)) (&& (== net40) (>= wpa81)) (&& (== net40) (>= xamarinios)) (&& (== net40) (>= xamarinmac)) (&& (== net40) (>= xamarintvos)) (&& (== net40) (>= xamarinwatchos)) (== net461) (== net48) (&& (== net50) (>= monotouch)) (&& (== net50) (>= net461)) (&& (== net50) (< netcoreapp2.0)) (&& (== net50) (< netstandard1.1)) (&& (== net50) (< netstandard2.0)) (&& (== net50) (>= xamarinios)) (&& (== net50) (>= xamarinmac)) (&& (== net50) (>= xamarintvos)) (&& (== net50) (>= xamarinwatchos)) (== netstandard2.0)
      System.Numerics.Vectors (>= 4.4) - restriction: || (&& (== net40) (>= net461)) (&& (== net40) (>= netstandard2.0)) (== net461) (== net48) (&& (== net50) (>= net461)) (&& (== net50) (< netcoreapp2.0)) (== netstandard2.0)
      System.Runtime.CompilerServices.Unsafe (>= 4.5.2) - restriction: || (&& (== net40) (>= monoandroid)) (&& (== net40) (>= monotouch)) (&& (== net40) (>= net45)) (&& (== net40) (>= net461)) (&& (== net40) (>= netcoreapp2.0)) (&& (== net40) (>= netstandard1.1)) (&& (== net40) (>= netstandard2.0)) (&& (== net40) (>= portable-net45+win8+wpa81)) (&& (== net40) (>= uap10.1)) (&& (== net40) (>= win8)) (&& (== net40) (>= wpa81)) (&& (== net40) (>= xamarinios)) (&& (== net40) (>= xamarinmac)) (&& (== net40) (>= xamarintvos)) (&& (== net40) (>= xamarinwatchos)) (== net461) (== net48) (&& (== net50) (>= monotouch)) (&& (== net50) (>= net461)) (&& (== net50) (< netcoreapp2.0)) (&& (== net50) (< netcoreapp2.1)) (&& (== net50) (< netstandard1.1)) (&& (== net50) (< netstandard2.0)) (&& (== net50) (>= uap10.1)) (&& (== net50) (>= xamarinios)) (&& (== net50) (>= xamarinmac)) (&& (== net50) (>= xamarintvos)) (&& (== net50) (>= xamarinwatchos)) (== netstandard2.0)
    System.Numerics.Vectors (4.4) - restriction: || (&& (== net40) (== net50)) (&& (== net461) (== net50)) (== net48) (&& (== net50) (== netstandard2.0)) (&& (== net50) (>= net461)) (&& (== net50) (< netcoreapp2.0))
    System.ObjectModel (4.3) - restriction: || (&& (== net40) (== net48)) (&& (== net48) (== netstandard2.0)) (&& (== net48) (< net45)) (== net50)
      System.Collections (>= 4.3) - restriction: || (&& (== net40) (>= netstandard1.3)) (&& (== net461) (< net45)) (&& (== net48) (< net45)) (== net50) (== netstandard2.0)
      System.Diagnostics.Debug (>= 4.3) - restriction: || (&& (== net40) (>= netstandard1.3)) (&& (== net461) (< net45)) (&& (== net48) (< net45)) (== net50) (== netstandard2.0)
      System.Resources.ResourceManager (>= 4.3) - restriction: || (&& (== net40) (>= netstandard1.3)) (&& (== net461) (< net45)) (&& (== net48) (< net45)) (== net50) (== netstandard2.0)
      System.Runtime (>= 4.3) - restriction: || (&& (== net40) (>= netstandard1.0)) (&& (== net40) (>= netstandard1.3)) (&& (== net461) (< net45)) (&& (== net48) (< net45)) (== net50) (== netstandard2.0)
      System.Threading (>= 4.3) - restriction: || (&& (== net40) (>= netstandard1.3)) (&& (== net461) (< net45)) (&& (== net48) (< net45)) (== net50) (== netstandard2.0)
    System.Reflection (4.3) - restriction: || (== net48) (== net50)
      Microsoft.NETCore.Platforms (>= 1.1) - restriction: || (&& (== net40) (>= netstandard1.0)) (&& (== net40) (>= netstandard1.3)) (&& (== net40) (>= netstandard1.5)) (&& (== net461) (< net45)) (&& (== net48) (< net45)) (== net50) (== netstandard2.0)
      Microsoft.NETCore.Targets (>= 1.1) - restriction: || (&& (== net40) (>= netstandard1.0)) (&& (== net40) (>= netstandard1.3)) (&& (== net40) (>= netstandard1.5)) (&& (== net461) (< net45)) (&& (== net48) (< net45)) (== net50) (== netstandard2.0)
      System.IO (>= 4.3) - restriction: || (&& (== net40) (>= netstandard1.0)) (&& (== net40) (>= netstandard1.3)) (&& (== net40) (>= netstandard1.5)) (&& (== net461) (< net45)) (&& (== net48) (< net45)) (== net50) (== netstandard2.0)
      System.Reflection.Primitives (>= 4.3) - restriction: || (&& (== net40) (>= netstandard1.0)) (&& (== net40) (>= netstandard1.3)) (&& (== net40) (>= netstandard1.5)) (&& (== net461) (< net45)) (&& (== net48) (< net45)) (== net50) (== netstandard2.0)
      System.Runtime (>= 4.3) - restriction: || (&& (== net40) (>= netstandard1.0)) (&& (== net40) (>= netstandard1.3)) (&& (== net40) (>= netstandard1.5)) (&& (== net461) (< net45)) (&& (== net48) (< net45)) (== net50) (== netstandard2.0)
    System.Reflection.Emit (4.3) - restriction: || (== net48) (== net50)
      System.IO (>= 4.3) - restriction: || (&& (== net40) (>= netstandard1.1)) (&& (== net461) (< net45)) (&& (== net48) (< net45)) (== net50) (== netstandard2.0)
      System.Reflection (>= 4.3) - restriction: || (&& (== net40) (>= netstandard1.1)) (&& (== net461) (< net45)) (&& (== net48) (< net45)) (== net50) (== netstandard2.0)
      System.Reflection.Emit.ILGeneration (>= 4.3) - restriction: || (&& (== net40) (>= netstandard1.1)) (&& (== net461) (< net45)) (&& (== net48) (< net45)) (== net50) (== netstandard2.0)
      System.Reflection.Primitives (>= 4.3) - restriction: || (&& (== net40) (>= netstandard1.1)) (&& (== net461) (< net45)) (&& (== net48) (< net45)) (== net50) (== netstandard2.0)
      System.Runtime (>= 4.3) - restriction: || (&& (== net40) (>= netstandard1.1)) (&& (== net461) (< net45)) (&& (== net48) (< net45)) (== net50) (== netstandard2.0)
    System.Reflection.Emit.ILGeneration (4.3) - restriction: || (&& (== net40) (== net48)) (&& (== net48) (== netstandard2.0)) (&& (== net48) (< net45)) (== net50)
      System.Reflection (>= 4.3) - restriction: || (&& (== net40) (>= netstandard1.0)) (&& (== net461) (< net45)) (&& (== net48) (< net45)) (== net50) (== netstandard2.0)
      System.Reflection.Primitives (>= 4.3) - restriction: || (&& (== net40) (>= netstandard1.0)) (&& (== net461) (< net45)) (&& (== net48) (< net45)) (== net50) (== netstandard2.0)
      System.Runtime (>= 4.3) - restriction: || (&& (== net40) (>= netstandard1.0)) (&& (== net461) (< net45)) (&& (== net48) (< net45)) (== net50) (== netstandard2.0)
    System.Reflection.Emit.Lightweight (4.3) - restriction: || (== net48) (== net50)
      System.Reflection (>= 4.3) - restriction: || (&& (== net40) (>= netstandard1.0)) (&& (== net461) (< net45)) (&& (== net48) (< net45)) (== net50) (== netstandard2.0)
      System.Reflection.Emit.ILGeneration (>= 4.3) - restriction: || (&& (== net40) (>= netstandard1.0)) (&& (== net461) (< net45)) (&& (== net48) (< net45)) (== net50) (== netstandard2.0)
      System.Reflection.Primitives (>= 4.3) - restriction: || (&& (== net40) (>= netstandard1.0)) (&& (== net461) (< net45)) (&& (== net48) (< net45)) (== net50) (== netstandard2.0)
      System.Runtime (>= 4.3) - restriction: || (&& (== net40) (>= netstandard1.0)) (&& (== net461) (< net45)) (&& (== net48) (< net45)) (== net50) (== netstandard2.0)
    System.Reflection.Extensions (4.3) - restriction: || (&& (== net40) (== net48)) (&& (== net48) (== netstandard2.0)) (&& (== net48) (< net45)) (&& (== net48) (>= netcoreapp2.1)) (== net50)
      Microsoft.NETCore.Platforms (>= 1.1) - restriction: || (&& (== net40) (>= netstandard1.0)) (&& (== net461) (< net45)) (&& (== net48) (< net45)) (== net50) (== netstandard2.0)
      Microsoft.NETCore.Targets (>= 1.1) - restriction: || (&& (== net40) (>= netstandard1.0)) (&& (== net461) (< net45)) (&& (== net48) (< net45)) (== net50) (== netstandard2.0)
      System.Reflection (>= 4.3) - restriction: || (&& (== net40) (>= netstandard1.0)) (&& (== net461) (< net45)) (&& (== net48) (< net45)) (== net50) (== netstandard2.0)
      System.Runtime (>= 4.3) - restriction: || (&& (== net40) (>= netstandard1.0)) (&& (== net461) (< net45)) (&& (== net48) (< net45)) (== net50) (== netstandard2.0)
    System.Reflection.Metadata (1.6) - restriction: || (== net48) (== net50)
      System.Collections.Immutable (>= 1.5) - restriction: || (&& (== net40) (>= net45)) (&& (== net40) (>= netstandard1.1)) (&& (== net40) (>= netstandard2.0)) (&& (== net40) (>= portable-net45+win8+wpa81)) (&& (== net40) (>= win8)) (&& (== net40) (>= wpa81)) (== net461) (== net48) (&& (== net50) (>= net45)) (&& (== net50) (< netcoreapp2.1)) (&& (== net50) (< netstandard1.1)) (&& (== net50) (< netstandard2.0)) (== netstandard2.0)
    System.Reflection.Primitives (4.3) - restriction: || (&& (== net40) (== net48)) (&& (== net48) (== netstandard2.0)) (&& (== net48) (< net45)) (&& (== net48) (>= netcoreapp2.1)) (== net50)
      Microsoft.NETCore.Platforms (>= 1.1) - restriction: || (&& (== net40) (>= netstandard1.0)) (&& (== net461) (< net45)) (&& (== net48) (< net45)) (== net50) (== netstandard2.0)
      Microsoft.NETCore.Targets (>= 1.1) - restriction: || (&& (== net40) (>= netstandard1.0)) (&& (== net461) (< net45)) (&& (== net48) (< net45)) (== net50) (== netstandard2.0)
      System.Runtime (>= 4.3) - restriction: || (&& (== net40) (>= netstandard1.0)) (&& (== net461) (< net45)) (&& (== net48) (< net45)) (== net50) (== netstandard2.0)
    System.Reflection.TypeExtensions (4.7) - restriction: || (&& (== net40) (== net48)) (&& (== net48) (== netstandard2.0)) (&& (== net48) (< net45)) (&& (== net48) (>= netcoreapp2.1)) (== net50)
    System.Resources.ResourceManager (4.3) - restriction: || (== net48) (== net50)
      Microsoft.NETCore.Platforms (>= 1.1) - restriction: || (&& (== net40) (>= netstandard1.0)) (&& (== net461) (< net45)) (&& (== net48) (< net45)) (== net50) (== netstandard2.0)
      Microsoft.NETCore.Targets (>= 1.1) - restriction: || (&& (== net40) (>= netstandard1.0)) (&& (== net461) (< net45)) (&& (== net48) (< net45)) (== net50) (== netstandard2.0)
      System.Globalization (>= 4.3) - restriction: || (&& (== net40) (>= netstandard1.0)) (&& (== net461) (< net45)) (&& (== net48) (< net45)) (== net50) (== netstandard2.0)
      System.Reflection (>= 4.3) - restriction: || (&& (== net40) (>= netstandard1.0)) (&& (== net461) (< net45)) (&& (== net48) (< net45)) (== net50) (== netstandard2.0)
      System.Runtime (>= 4.3) - restriction: || (&& (== net40) (>= netstandard1.0)) (&& (== net461) (< net45)) (&& (== net48) (< net45)) (== net50) (== netstandard2.0)
    System.Runtime (4.3) - restriction: || (== net48) (== net50)
      Microsoft.NETCore.Platforms (>= 1.1) - restriction: || (&& (== net40) (>= netstandard1.0)) (&& (== net40) (>= netstandard1.2)) (&& (== net40) (>= netstandard1.3)) (&& (== net40) (>= netstandard1.5)) (&& (== net461) (< net45)) (&& (== net48) (< net45)) (== net50) (== netstandard2.0)
      Microsoft.NETCore.Targets (>= 1.1) - restriction: || (&& (== net40) (>= netstandard1.0)) (&& (== net40) (>= netstandard1.2)) (&& (== net40) (>= netstandard1.3)) (&& (== net40) (>= netstandard1.5)) (&& (== net461) (< net45)) (&& (== net48) (< net45)) (== net50) (== netstandard2.0)
    System.Runtime.CompilerServices.Unsafe (4.5.2) - restriction: || (&& (== net40) (== net50)) (&& (== net461) (== net50)) (== net48) (&& (== net50) (== netstandard2.0)) (&& (== net50) (>= net45)) (&& (== net50) (< netcoreapp2.1)) (&& (== net50) (< netstandard1.0)) (&& (== net50) (< netstandard2.0)) (&& (== net50) (>= wp8))
    System.Runtime.Extensions (4.3) - restriction: || (== net48) (== net50)
      Microsoft.NETCore.Platforms (>= 1.1) - restriction: || (&& (== net40) (>= netstandard1.0)) (&& (== net40) (>= netstandard1.3)) (&& (== net40) (>= netstandard1.5)) (&& (== net461) (< net45)) (&& (== net48) (< net45)) (== net50) (== netstandard2.0)
      Microsoft.NETCore.Targets (>= 1.1) - restriction: || (&& (== net40) (>= netstandard1.0)) (&& (== net40) (>= netstandard1.3)) (&& (== net40) (>= netstandard1.5)) (&& (== net461) (< net45)) (&& (== net48) (< net45)) (== net50) (== netstandard2.0)
      System.Runtime (>= 4.3) - restriction: || (&& (== net40) (>= netstandard1.0)) (&& (== net40) (>= netstandard1.3)) (&& (== net40) (>= netstandard1.5)) (&& (== net461) (< net45)) (&& (== net48) (< net45)) (== net50) (== netstandard2.0)
    System.Runtime.Handles (4.3) - restriction: || (&& (== net40) (== net48)) (&& (== net48) (== netstandard2.0)) (&& (== net48) (< net45)) (&& (== net48) (>= netcoreapp2.1)) (== net50)
      Microsoft.NETCore.Platforms (>= 1.1) - restriction: || (&& (== net40) (>= netstandard1.3)) (&& (== net461) (< net46)) (&& (== net48) (< net46)) (== net50) (== netstandard2.0)
      Microsoft.NETCore.Targets (>= 1.1) - restriction: || (&& (== net40) (>= netstandard1.3)) (&& (== net461) (< net46)) (&& (== net48) (< net46)) (== net50) (== netstandard2.0)
      System.Runtime (>= 4.3) - restriction: || (&& (== net40) (>= netstandard1.3)) (&& (== net461) (< net46)) (&& (== net48) (< net46)) (== net50) (== netstandard2.0)
    System.Runtime.InteropServices (4.3) - restriction: || (== net48) (== net50)
      Microsoft.NETCore.Platforms (>= 1.1) - restriction: || (&& (== net40) (>= netcoreapp1.1)) (&& (== net40) (>= netstandard1.1)) (&& (== net40) (>= netstandard1.2)) (&& (== net40) (>= netstandard1.3)) (&& (== net40) (>= netstandard1.5)) (&& (== net461) (< net45)) (&& (== net461) (>= netcoreapp1.1)) (&& (== net48) (< net45)) (&& (== net48) (>= netcoreapp1.1)) (== net50) (== netstandard2.0)
      Microsoft.NETCore.Targets (>= 1.1) - restriction: || (&& (== net40) (>= netcoreapp1.1)) (&& (== net40) (>= netstandard1.1)) (&& (== net40) (>= netstandard1.2)) (&& (== net40) (>= netstandard1.3)) (&& (== net40) (>= netstandard1.5)) (&& (== net461) (< net45)) (&& (== net461) (>= netcoreapp1.1)) (&& (== net48) (< net45)) (&& (== net48) (>= netcoreapp1.1)) (== net50) (== netstandard2.0)
      System.Reflection (>= 4.3) - restriction: || (&& (== net40) (>= netcoreapp1.1)) (&& (== net40) (>= netstandard1.1)) (&& (== net40) (>= netstandard1.2)) (&& (== net40) (>= netstandard1.3)) (&& (== net40) (>= netstandard1.5)) (&& (== net461) (< net45)) (&& (== net461) (>= netcoreapp1.1)) (&& (== net48) (< net45)) (&& (== net48) (>= netcoreapp1.1)) (== net50) (== netstandard2.0)
      System.Reflection.Primitives (>= 4.3) - restriction: || (&& (== net40) (>= netcoreapp1.1)) (&& (== net40) (>= netstandard1.1)) (&& (== net40) (>= netstandard1.2)) (&& (== net40) (>= netstandard1.3)) (&& (== net40) (>= netstandard1.5)) (&& (== net461) (< net45)) (&& (== net461) (>= netcoreapp1.1)) (&& (== net48) (< net45)) (&& (== net48) (>= netcoreapp1.1)) (== net50) (== netstandard2.0)
      System.Runtime (>= 4.3) - restriction: || (&& (== net40) (>= net462)) (&& (== net40) (>= netcoreapp1.1)) (&& (== net40) (>= netstandard1.1)) (&& (== net40) (>= netstandard1.2)) (&& (== net40) (>= netstandard1.3)) (&& (== net40) (>= netstandard1.5)) (&& (== net461) (< net45)) (&& (== net461) (>= net462)) (&& (== net461) (>= netcoreapp1.1)) (== net48) (== net50) (== netstandard2.0)
      System.Runtime.Handles (>= 4.3) - restriction: || (&& (== net40) (>= netcoreapp1.1)) (&& (== net40) (>= netstandard1.3)) (&& (== net40) (>= netstandard1.5)) (&& (== net461) (< net45)) (&& (== net461) (>= netcoreapp1.1)) (&& (== net48) (< net45)) (&& (== net48) (>= netcoreapp1.1)) (== net50) (== netstandard2.0)
    System.Runtime.InteropServices.RuntimeInformation (4.3) - restriction: || (== net48) (== net50)
      runtime.native.System (>= 4.3) - restriction: || (&& (== net40) (>= netstandard1.1)) (&& (== net461) (< net45)) (&& (== net48) (< net45)) (== net50) (== netstandard2.0)
      System.Reflection (>= 4.3) - restriction: || (&& (== net40) (>= netstandard1.1)) (&& (== net461) (< net45)) (&& (== net48) (< net45)) (== net50) (== netstandard2.0)
      System.Reflection.Extensions (>= 4.3) - restriction: || (&& (== net40) (>= netstandard1.1)) (&& (== net461) (< net45)) (&& (== net48) (< net45)) (== net50) (== netstandard2.0)
      System.Resources.ResourceManager (>= 4.3) - restriction: || (&& (== net40) (>= netstandard1.1)) (&& (== net461) (< net45)) (&& (== net48) (< net45)) (== net50) (== netstandard2.0)
      System.Runtime (>= 4.3) - restriction: || (&& (== net40) (>= netstandard1.1)) (&& (== net461) (< net45)) (&& (== net48) (< net45)) (== net50) (== netstandard2.0)
      System.Runtime.InteropServices (>= 4.3) - restriction: || (&& (== net40) (>= netstandard1.1)) (&& (== net461) (< net45)) (&& (== net48) (< net45)) (== net50) (== netstandard2.0)
      System.Threading (>= 4.3) - restriction: || (&& (== net40) (>= netstandard1.1)) (&& (== net461) (< net45)) (&& (== net48) (< net45)) (== net50) (== netstandard2.0)
    System.Runtime.Numerics (4.3) - restriction: || (== net48) (== net50)
      System.Globalization (>= 4.3) - restriction: || (&& (== net40) (>= netstandard1.3)) (&& (== net461) (< net45)) (&& (== net48) (< net45)) (== net50) (== netstandard2.0)
      System.Resources.ResourceManager (>= 4.3) - restriction: || (&& (== net40) (>= netstandard1.3)) (&& (== net461) (< net45)) (&& (== net48) (< net45)) (== net50) (== netstandard2.0)
      System.Runtime (>= 4.3) - restriction: || (&& (== net40) (>= netstandard1.1)) (&& (== net40) (>= netstandard1.3)) (&& (== net461) (< net45)) (&& (== net48) (< net45)) (== net50) (== netstandard2.0)
      System.Runtime.Extensions (>= 4.3) - restriction: || (&& (== net40) (>= netstandard1.3)) (&& (== net461) (< net45)) (&& (== net48) (< net45)) (== net50) (== netstandard2.0)
    System.Security.AccessControl (4.5) - restriction: || (== net48) (== net50)
      Microsoft.NETCore.Platforms (>= 2.0) - restriction: || (&& (== net40) (>= netcoreapp2.0)) (&& (== net461) (>= netcoreapp2.0)) (&& (== net48) (>= netcoreapp2.0)) (== net50) (&& (== netstandard2.0) (>= netcoreapp2.0))
      System.Security.Principal.Windows (>= 4.5) - restriction: || (&& (== net40) (>= net461)) (&& (== net40) (>= netcoreapp2.0)) (&& (== net40) (>= netstandard2.0)) (== net461) (== net48) (== net50) (== netstandard2.0)
    System.Security.Cryptography.Algorithms (4.3.1) - restriction: || (== net48) (== net50)
      Microsoft.NETCore.Platforms (>= 1.1) - restriction: || (&& (== net40) (>= netstandard1.6)) (&& (== net461) (< net46) (>= netstandard1.6)) (&& (== net48) (< net46)) (== net50) (== netstandard2.0)
      runtime.native.System.Security.Cryptography.Apple (>= 4.3.1) - restriction: || (&& (== net40) (>= netstandard1.6)) (&& (== net461) (< net46) (>= netstandard1.6)) (&& (== net48) (< net46)) (== net50) (== netstandard2.0)
      runtime.native.System.Security.Cryptography.OpenSsl (>= 4.3.2) - restriction: || (&& (== net40) (>= netstandard1.6)) (&& (== net461) (< net46) (>= netstandard1.6)) (&& (== net48) (< net46)) (== net50) (== netstandard2.0)
      System.Collections (>= 4.3) - restriction: || (&& (== net40) (>= netstandard1.6)) (&& (== net461) (< net46) (>= netstandard1.6)) (&& (== net48) (< net46)) (== net50) (== netstandard2.0)
      System.IO (>= 4.3) - restriction: || (&& (== net40) (>= net463)) (&& (== net40) (>= netstandard1.3)) (&& (== net40) (>= netstandard1.4)) (&& (== net40) (>= netstandard1.6)) (&& (== net461) (< net46)) (&& (== net461) (>= net463)) (== net48) (== net50) (== netstandard2.0)
      System.Resources.ResourceManager (>= 4.3) - restriction: || (&& (== net40) (>= netstandard1.6)) (&& (== net461) (< net46) (>= netstandard1.6)) (&& (== net48) (< net46)) (== net50) (== netstandard2.0)
      System.Runtime (>= 4.3) - restriction: || (&& (== net40) (>= net463)) (&& (== net40) (>= netstandard1.3)) (&& (== net40) (>= netstandard1.4)) (&& (== net40) (>= netstandard1.6)) (&& (== net461) (< net46)) (&& (== net461) (>= net463)) (== net48) (== net50) (== netstandard2.0)
      System.Runtime.Extensions (>= 4.3) - restriction: || (&& (== net40) (>= netstandard1.6)) (&& (== net461) (< net46) (>= netstandard1.6)) (&& (== net48) (< net46)) (== net50) (== netstandard2.0)
      System.Runtime.Handles (>= 4.3) - restriction: || (&& (== net40) (>= netstandard1.6)) (&& (== net461) (< net46) (>= netstandard1.6)) (&& (== net48) (< net46)) (== net50) (== netstandard2.0)
      System.Runtime.InteropServices (>= 4.3) - restriction: || (&& (== net40) (>= netstandard1.6)) (&& (== net461) (< net46) (>= netstandard1.6)) (&& (== net48) (< net46)) (== net50) (== netstandard2.0)
      System.Runtime.Numerics (>= 4.3) - restriction: || (&& (== net40) (>= netstandard1.6)) (&& (== net461) (< net46) (>= netstandard1.6)) (&& (== net48) (< net46)) (== net50) (== netstandard2.0)
      System.Security.Cryptography.Encoding (>= 4.3) - restriction: || (&& (== net40) (>= net463)) (&& (== net40) (>= netstandard1.6)) (&& (== net461) (< net46) (>= netstandard1.6)) (&& (== net461) (>= net463)) (== net48) (== net50) (== netstandard2.0)
      System.Security.Cryptography.Primitives (>= 4.3) - restriction: || (&& (== net40) (>= net46)) (&& (== net40) (>= net461)) (&& (== net40) (>= net463)) (&& (== net40) (>= netstandard1.3)) (&& (== net40) (>= netstandard1.4)) (&& (== net40) (>= netstandard1.6)) (== net461) (== net48) (== net50) (== netstandard2.0)
      System.Text.Encoding (>= 4.3) - restriction: || (&& (== net40) (>= netstandard1.6)) (&& (== net461) (< net46) (>= netstandard1.6)) (&& (== net48) (< net46)) (== net50) (== netstandard2.0)
    System.Security.Cryptography.Cng (4.3) - restriction: || (&& (== net40) (== net48)) (&& (== net48) (== netstandard2.0)) (&& (== net48) (< net46)) (== net50)
      Microsoft.NETCore.Platforms (>= 1.1) - restriction: || (&& (== net40) (>= netstandard1.4)) (&& (== net40) (>= netstandard1.6)) (&& (== net461) (< net46)) (&& (== net48) (< net46)) (== net50) (== netstandard2.0)
      System.IO (>= 4.3) - restriction: || (&& (== net40) (>= netstandard1.3)) (&& (== net40) (>= netstandard1.4)) (&& (== net40) (>= netstandard1.6)) (&& (== net461) (< net46)) (&& (== net48) (< net46)) (== net50) (== netstandard2.0)
      System.Resources.ResourceManager (>= 4.3) - restriction: || (&& (== net40) (>= netstandard1.4)) (&& (== net40) (>= netstandard1.6)) (&& (== net461) (< net46)) (&& (== net48) (< net46)) (== net50) (== netstandard2.0)
      System.Runtime (>= 4.3) - restriction: || (&& (== net40) (>= netstandard1.3)) (&& (== net40) (>= netstandard1.4)) (&& (== net40) (>= netstandard1.6)) (&& (== net461) (< net46)) (&& (== net48) (< net46)) (== net50) (== netstandard2.0)
      System.Runtime.Extensions (>= 4.3) - restriction: || (&& (== net40) (>= netstandard1.4)) (&& (== net40) (>= netstandard1.6)) (&& (== net461) (< net46)) (&& (== net48) (< net46)) (== net50) (== netstandard2.0)
      System.Runtime.Handles (>= 4.3) - restriction: || (&& (== net40) (>= netstandard1.3)) (&& (== net40) (>= netstandard1.4)) (&& (== net40) (>= netstandard1.6)) (&& (== net461) (< net46)) (&& (== net48) (< net46)) (== net50) (== netstandard2.0)
      System.Runtime.InteropServices (>= 4.3) - restriction: || (&& (== net40) (>= netstandard1.4)) (&& (== net40) (>= netstandard1.6)) (&& (== net461) (< net46)) (&& (== net48) (< net46)) (== net50) (== netstandard2.0)
      System.Security.Cryptography.Algorithms (>= 4.3) - restriction: || (&& (== net40) (>= net46)) (&& (== net40) (>= net461)) (&& (== net40) (>= net463)) (&& (== net40) (>= netstandard1.3)) (&& (== net40) (>= netstandard1.4)) (&& (== net40) (>= netstandard1.6)) (== net461) (== net48) (== net50) (== netstandard2.0)
      System.Security.Cryptography.Encoding (>= 4.3) - restriction: || (&& (== net40) (>= netstandard1.4)) (&& (== net40) (>= netstandard1.6)) (&& (== net461) (< net46)) (&& (== net48) (< net46)) (== net50) (== netstandard2.0)
      System.Security.Cryptography.Primitives (>= 4.3) - restriction: || (&& (== net40) (>= net46)) (&& (== net40) (>= net461)) (&& (== net40) (>= net463)) (&& (== net40) (>= netstandard1.3)) (&& (== net40) (>= netstandard1.4)) (&& (== net40) (>= netstandard1.6)) (== net461) (== net48) (== net50) (== netstandard2.0)
      System.Text.Encoding (>= 4.3) - restriction: || (&& (== net40) (>= netstandard1.4)) (&& (== net40) (>= netstandard1.6)) (&& (== net461) (< net46)) (&& (== net48) (< net46)) (== net50) (== netstandard2.0)
    System.Security.Cryptography.Csp (4.3) - restriction: || (&& (== net40) (== net48)) (&& (== net48) (== netstandard2.0)) (&& (== net48) (< net46)) (== net50)
      Microsoft.NETCore.Platforms (>= 1.1) - restriction: || (&& (== net40) (>= netstandard1.3)) (&& (== net461) (< net46)) (&& (== net48) (< net46)) (== net50) (== netstandard2.0)
      System.IO (>= 4.3) - restriction: || (&& (== net40) (>= netstandard1.3)) (&& (== net461) (< net46)) (&& (== net48) (< net46)) (== net50) (== netstandard2.0)
      System.Reflection (>= 4.3) - restriction: || (&& (== net40) (>= netstandard1.3)) (&& (== net461) (< net46)) (&& (== net48) (< net46)) (== net50) (== netstandard2.0)
      System.Resources.ResourceManager (>= 4.3) - restriction: || (&& (== net40) (>= netstandard1.3)) (&& (== net461) (< net46)) (&& (== net48) (< net46)) (== net50) (== netstandard2.0)
      System.Runtime (>= 4.3) - restriction: || (&& (== net40) (>= netstandard1.3)) (&& (== net461) (< net46)) (&& (== net48) (< net46)) (== net50) (== netstandard2.0)
      System.Runtime.Extensions (>= 4.3) - restriction: || (&& (== net40) (>= netstandard1.3)) (&& (== net461) (< net46)) (&& (== net48) (< net46)) (== net50) (== netstandard2.0)
      System.Runtime.Handles (>= 4.3) - restriction: || (&& (== net40) (>= netstandard1.3)) (&& (== net461) (< net46)) (&& (== net48) (< net46)) (== net50) (== netstandard2.0)
      System.Runtime.InteropServices (>= 4.3) - restriction: || (&& (== net40) (>= netstandard1.3)) (&& (== net461) (< net46)) (&& (== net48) (< net46)) (== net50) (== netstandard2.0)
      System.Security.Cryptography.Algorithms (>= 4.3) - restriction: || (&& (== net40) (>= net46)) (&& (== net40) (>= netstandard1.3)) (== net461) (== net48) (== net50) (== netstandard2.0)
      System.Security.Cryptography.Encoding (>= 4.3) - restriction: || (&& (== net40) (>= netstandard1.3)) (&& (== net461) (< net46)) (&& (== net48) (< net46)) (== net50) (== netstandard2.0)
      System.Security.Cryptography.Primitives (>= 4.3) - restriction: || (&& (== net40) (>= net46)) (&& (== net40) (>= netstandard1.3)) (== net461) (== net48) (== net50) (== netstandard2.0)
      System.Text.Encoding (>= 4.3) - restriction: || (&& (== net40) (>= netstandard1.3)) (&& (== net461) (< net46)) (&& (== net48) (< net46)) (== net50) (== netstandard2.0)
      System.Threading (>= 4.3) - restriction: || (&& (== net40) (>= netstandard1.3)) (&& (== net461) (< net46)) (&& (== net48) (< net46)) (== net50) (== netstandard2.0)
    System.Security.Cryptography.Encoding (4.3) - restriction: || (== net48) (== net50)
      Microsoft.NETCore.Platforms (>= 1.1) - restriction: || (&& (== net40) (>= netstandard1.3)) (&& (== net461) (< net46)) (&& (== net48) (< net46)) (== net50) (== netstandard2.0)
      runtime.native.System.Security.Cryptography.OpenSsl (>= 4.3) - restriction: || (&& (== net40) (>= netstandard1.3)) (&& (== net461) (< net46)) (&& (== net48) (< net46)) (== net50) (== netstandard2.0)
      System.Collections (>= 4.3) - restriction: || (&& (== net40) (>= netstandard1.3)) (&& (== net461) (< net46)) (&& (== net48) (< net46)) (== net50) (== netstandard2.0)
      System.Collections.Concurrent (>= 4.3) - restriction: || (&& (== net40) (>= netstandard1.3)) (&& (== net461) (< net46)) (&& (== net48) (< net46)) (== net50) (== netstandard2.0)
      System.Linq (>= 4.3) - restriction: || (&& (== net40) (>= netstandard1.3)) (&& (== net461) (< net46)) (&& (== net48) (< net46)) (== net50) (== netstandard2.0)
      System.Resources.ResourceManager (>= 4.3) - restriction: || (&& (== net40) (>= netstandard1.3)) (&& (== net461) (< net46)) (&& (== net48) (< net46)) (== net50) (== netstandard2.0)
      System.Runtime (>= 4.3) - restriction: || (&& (== net40) (>= netstandard1.3)) (&& (== net461) (< net46)) (&& (== net48) (< net46)) (== net50) (== netstandard2.0)
      System.Runtime.Extensions (>= 4.3) - restriction: || (&& (== net40) (>= netstandard1.3)) (&& (== net461) (< net46)) (&& (== net48) (< net46)) (== net50) (== netstandard2.0)
      System.Runtime.Handles (>= 4.3) - restriction: || (&& (== net40) (>= netstandard1.3)) (&& (== net461) (< net46)) (&& (== net48) (< net46)) (== net50) (== netstandard2.0)
      System.Runtime.InteropServices (>= 4.3) - restriction: || (&& (== net40) (>= netstandard1.3)) (&& (== net461) (< net46)) (&& (== net48) (< net46)) (== net50) (== netstandard2.0)
      System.Security.Cryptography.Primitives (>= 4.3) - restriction: || (&& (== net40) (>= netstandard1.3)) (&& (== net461) (< net46)) (&& (== net48) (< net46)) (== net50) (== netstandard2.0)
      System.Text.Encoding (>= 4.3) - restriction: || (&& (== net40) (>= netstandard1.3)) (&& (== net461) (< net46)) (&& (== net48) (< net46)) (== net50) (== netstandard2.0)
    System.Security.Cryptography.OpenSsl (4.3) - restriction: || (&& (== net40) (== net48)) (&& (== net48) (== netstandard2.0)) (&& (== net48) (< net46)) (== net50)
      runtime.native.System.Security.Cryptography.OpenSsl (>= 4.3) - restriction: || (&& (== net40) (>= monoandroid)) (&& (== net40) (>= net463)) (&& (== net40) (>= netstandard1.6)) (&& (== net461) (>= monoandroid)) (&& (== net461) (>= net463)) (&& (== net461) (>= netstandard1.6)) (== net48) (== net50) (== netstandard2.0)
      System.Collections (>= 4.3) - restriction: || (&& (== net40) (>= netstandard1.6)) (&& (== net461) (>= netstandard1.6)) (&& (== net48) (< net463)) (== net50) (== netstandard2.0)
      System.IO (>= 4.3) - restriction: || (&& (== net40) (>= net463)) (&& (== net40) (>= netstandard1.6)) (&& (== net461) (>= net463)) (&& (== net461) (>= netstandard1.6)) (== net48) (== net50) (== netstandard2.0)
      System.Resources.ResourceManager (>= 4.3) - restriction: || (&& (== net40) (>= netstandard1.6)) (&& (== net461) (>= netstandard1.6)) (&& (== net48) (< net463)) (== net50) (== netstandard2.0)
      System.Runtime (>= 4.3) - restriction: || (&& (== net40) (>= net463)) (&& (== net40) (>= netstandard1.6)) (&& (== net461) (>= net463)) (&& (== net461) (>= netstandard1.6)) (== net48) (== net50) (== netstandard2.0)
      System.Runtime.Extensions (>= 4.3) - restriction: || (&& (== net40) (>= net463)) (&& (== net40) (>= netstandard1.6)) (&& (== net461) (>= net463)) (&& (== net461) (>= netstandard1.6)) (== net48) (== net50) (== netstandard2.0)
      System.Runtime.Handles (>= 4.3) - restriction: || (&& (== net40) (>= netstandard1.6)) (&& (== net461) (>= netstandard1.6)) (&& (== net48) (< net463)) (== net50) (== netstandard2.0)
      System.Runtime.InteropServices (>= 4.3) - restriction: || (&& (== net40) (>= netstandard1.6)) (&& (== net461) (>= netstandard1.6)) (&& (== net48) (< net463)) (== net50) (== netstandard2.0)
      System.Runtime.Numerics (>= 4.3) - restriction: || (&& (== net40) (>= netstandard1.6)) (&& (== net461) (>= netstandard1.6)) (&& (== net48) (< net463)) (== net50) (== netstandard2.0)
      System.Security.Cryptography.Algorithms (>= 4.3) - restriction: || (&& (== net40) (>= net463)) (&& (== net40) (>= netstandard1.6)) (&& (== net461) (>= net463)) (&& (== net461) (>= netstandard1.6)) (== net48) (== net50) (== netstandard2.0)
      System.Security.Cryptography.Encoding (>= 4.3) - restriction: || (&& (== net40) (>= net463)) (&& (== net40) (>= netstandard1.6)) (&& (== net461) (>= net463)) (&& (== net461) (>= netstandard1.6)) (== net48) (== net50) (== netstandard2.0)
      System.Security.Cryptography.Primitives (>= 4.3) - restriction: || (&& (== net40) (>= net463)) (&& (== net40) (>= netstandard1.6)) (&& (== net461) (>= net463)) (&& (== net461) (>= netstandard1.6)) (== net48) (== net50) (== netstandard2.0)
      System.Text.Encoding (>= 4.3) - restriction: || (&& (== net40) (>= netstandard1.6)) (&& (== net461) (>= netstandard1.6)) (&& (== net48) (< net463)) (== net50) (== netstandard2.0)
    System.Security.Cryptography.Primitives (4.3) - restriction: || (== net48) (== net50)
      System.Diagnostics.Debug (>= 4.3) - restriction: || (&& (== net40) (>= netstandard1.3)) (&& (== net461) (< net46)) (&& (== net48) (< net46)) (== net50) (== netstandard2.0)
      System.Globalization (>= 4.3) - restriction: || (&& (== net40) (>= netstandard1.3)) (&& (== net461) (< net46)) (&& (== net48) (< net46)) (== net50) (== netstandard2.0)
      System.IO (>= 4.3) - restriction: || (&& (== net40) (>= netstandard1.3)) (&& (== net461) (< net46)) (&& (== net48) (< net46)) (== net50) (== netstandard2.0)
      System.Resources.ResourceManager (>= 4.3) - restriction: || (&& (== net40) (>= netstandard1.3)) (&& (== net461) (< net46)) (&& (== net48) (< net46)) (== net50) (== netstandard2.0)
      System.Runtime (>= 4.3) - restriction: || (&& (== net40) (>= netstandard1.3)) (&& (== net461) (< net46)) (&& (== net48) (< net46)) (== net50) (== netstandard2.0)
      System.Threading (>= 4.3) - restriction: || (&& (== net40) (>= netstandard1.3)) (&& (== net461) (< net46)) (&& (== net48) (< net46)) (== net50) (== netstandard2.0)
      System.Threading.Tasks (>= 4.3) - restriction: || (&& (== net40) (>= netstandard1.3)) (&& (== net461) (< net46)) (&& (== net48) (< net46)) (== net50) (== netstandard2.0)
    System.Security.Cryptography.X509Certificates (4.3) - restriction: || (== net48) (== net50)
      Microsoft.NETCore.Platforms (>= 1.1) - restriction: || (&& (== net40) (>= netstandard1.6)) (&& (== net461) (< net46) (>= netstandard1.6)) (&& (== net48) (< net46)) (== net50) (== netstandard2.0)
      runtime.native.System (>= 4.3) - restriction: || (&& (== net40) (>= netstandard1.6)) (&& (== net461) (< net46) (>= netstandard1.6)) (&& (== net48) (< net46)) (== net50) (== netstandard2.0)
      runtime.native.System.Net.Http (>= 4.3) - restriction: || (&& (== net40) (>= netstandard1.6)) (&& (== net461) (< net46) (>= netstandard1.6)) (&& (== net48) (< net46)) (== net50) (== netstandard2.0)
      runtime.native.System.Security.Cryptography.OpenSsl (>= 4.3) - restriction: || (&& (== net40) (>= netstandard1.6)) (&& (== net461) (< net46) (>= netstandard1.6)) (&& (== net48) (< net46)) (== net50) (== netstandard2.0)
      System.Collections (>= 4.3) - restriction: || (&& (== net40) (>= netstandard1.6)) (&& (== net461) (< net46) (>= netstandard1.6)) (&& (== net48) (< net46)) (== net50) (== netstandard2.0)
      System.Diagnostics.Debug (>= 4.3) - restriction: || (&& (== net40) (>= netstandard1.6)) (&& (== net461) (< net46) (>= netstandard1.6)) (&& (== net48) (< net46)) (== net50) (== netstandard2.0)
      System.Globalization (>= 4.3) - restriction: || (&& (== net40) (>= netstandard1.6)) (&& (== net461) (< net46) (>= netstandard1.6)) (&& (== net48) (< net46)) (== net50) (== netstandard2.0)
      System.Globalization.Calendars (>= 4.3) - restriction: || (&& (== net40) (>= netstandard1.6)) (&& (== net461) (< net46) (>= netstandard1.6)) (&& (== net48) (< net46)) (== net50) (== netstandard2.0)
      System.IO (>= 4.3) - restriction: || (&& (== net40) (>= netstandard1.6)) (&& (== net461) (< net46) (>= netstandard1.6)) (&& (== net48) (< net46)) (== net50) (== netstandard2.0)
      System.IO.FileSystem (>= 4.3) - restriction: || (&& (== net40) (>= netstandard1.6)) (&& (== net461) (< net46) (>= netstandard1.6)) (&& (== net48) (< net46)) (== net50) (== netstandard2.0)
      System.IO.FileSystem.Primitives (>= 4.3) - restriction: || (&& (== net40) (>= netstandard1.6)) (&& (== net461) (< net46) (>= netstandard1.6)) (&& (== net48) (< net46)) (== net50) (== netstandard2.0)
      System.Resources.ResourceManager (>= 4.3) - restriction: || (&& (== net40) (>= netstandard1.6)) (&& (== net461) (< net46) (>= netstandard1.6)) (&& (== net48) (< net46)) (== net50) (== netstandard2.0)
      System.Runtime (>= 4.3) - restriction: || (&& (== net40) (>= netstandard1.3)) (&& (== net40) (>= netstandard1.4)) (&& (== net40) (>= netstandard1.6)) (&& (== net461) (< net46)) (&& (== net48) (< net46)) (== net50) (== netstandard2.0)
      System.Runtime.Extensions (>= 4.3) - restriction: || (&& (== net40) (>= netstandard1.6)) (&& (== net461) (< net46) (>= netstandard1.6)) (&& (== net48) (< net46)) (== net50) (== netstandard2.0)
      System.Runtime.Handles (>= 4.3) - restriction: || (&& (== net40) (>= netstandard1.3)) (&& (== net40) (>= netstandard1.4)) (&& (== net40) (>= netstandard1.6)) (&& (== net461) (< net46)) (&& (== net48) (< net46)) (== net50) (== netstandard2.0)
      System.Runtime.InteropServices (>= 4.3) - restriction: || (&& (== net40) (>= netstandard1.6)) (&& (== net461) (< net46) (>= netstandard1.6)) (&& (== net48) (< net46)) (== net50) (== netstandard2.0)
      System.Runtime.Numerics (>= 4.3) - restriction: || (&& (== net40) (>= netstandard1.6)) (&& (== net461) (< net46) (>= netstandard1.6)) (&& (== net48) (< net46)) (== net50) (== netstandard2.0)
      System.Security.Cryptography.Algorithms (>= 4.3) - restriction: || (&& (== net40) (>= net46)) (&& (== net40) (>= net461)) (&& (== net40) (>= netstandard1.3)) (&& (== net40) (>= netstandard1.4)) (&& (== net40) (>= netstandard1.6)) (== net461) (== net48) (== net50) (== netstandard2.0)
      System.Security.Cryptography.Cng (>= 4.3) - restriction: || (&& (== net40) (>= netstandard1.6)) (&& (== net461) (< net46) (>= netstandard1.6)) (&& (== net48) (< net46)) (== net50) (== netstandard2.0)
      System.Security.Cryptography.Csp (>= 4.3) - restriction: || (&& (== net40) (>= netstandard1.6)) (&& (== net461) (< net46) (>= netstandard1.6)) (&& (== net48) (< net46)) (== net50) (== netstandard2.0)
      System.Security.Cryptography.Encoding (>= 4.3) - restriction: || (&& (== net40) (>= net46)) (&& (== net40) (>= net461)) (&& (== net40) (>= netstandard1.3)) (&& (== net40) (>= netstandard1.4)) (&& (== net40) (>= netstandard1.6)) (== net461) (== net48) (== net50) (== netstandard2.0)
      System.Security.Cryptography.OpenSsl (>= 4.3) - restriction: || (&& (== net40) (>= netstandard1.6)) (&& (== net461) (< net46) (>= netstandard1.6)) (&& (== net48) (< net46)) (== net50) (== netstandard2.0)
      System.Security.Cryptography.Primitives (>= 4.3) - restriction: || (&& (== net40) (>= netstandard1.6)) (&& (== net461) (< net46) (>= netstandard1.6)) (&& (== net48) (< net46)) (== net50) (== netstandard2.0)
      System.Text.Encoding (>= 4.3) - restriction: || (&& (== net40) (>= netstandard1.6)) (&& (== net461) (< net46) (>= netstandard1.6)) (&& (== net48) (< net46)) (== net50) (== netstandard2.0)
      System.Threading (>= 4.3) - restriction: || (&& (== net40) (>= netstandard1.6)) (&& (== net461) (< net46) (>= netstandard1.6)) (&& (== net48) (< net46)) (== net50) (== netstandard2.0)
    System.Security.Principal.Windows (4.5) - restriction: || (== net48) (== net50)
      Microsoft.NETCore.Platforms (>= 2.0) - restriction: || (&& (== net40) (>= netcoreapp2.0)) (&& (== net461) (>= netcoreapp2.0)) (&& (== net48) (>= netcoreapp2.0)) (== net50) (&& (== netstandard2.0) (>= netcoreapp2.0))
    System.Text.Encoding (4.3) - restriction: || (== net48) (== net50)
      Microsoft.NETCore.Platforms (>= 1.1) - restriction: || (&& (== net40) (>= netstandard1.0)) (&& (== net40) (>= netstandard1.3)) (&& (== net461) (< net45)) (&& (== net48) (< net45)) (== net50) (== netstandard2.0)
      Microsoft.NETCore.Targets (>= 1.1) - restriction: || (&& (== net40) (>= netstandard1.0)) (&& (== net40) (>= netstandard1.3)) (&& (== net461) (< net45)) (&& (== net48) (< net45)) (== net50) (== netstandard2.0)
      System.Runtime (>= 4.3) - restriction: || (&& (== net40) (>= netstandard1.0)) (&& (== net40) (>= netstandard1.3)) (&& (== net461) (< net45)) (&& (== net48) (< net45)) (== net50) (== netstandard2.0)
    System.Text.Encoding.CodePages (4.3) - restriction: || (== net48) (== net50)
      Microsoft.NETCore.Platforms (>= 1.1) - restriction: || (&& (== net40) (>= netstandard1.3)) (&& (== net461) (< net46)) (&& (== net48) (< net46)) (== net50) (== netstandard2.0)
      System.Collections (>= 4.3) - restriction: || (&& (== net40) (>= netstandard1.3)) (&& (== net461) (< net46)) (&& (== net48) (< net46)) (== net50) (== netstandard2.0)
      System.Globalization (>= 4.3) - restriction: || (&& (== net40) (>= netstandard1.3)) (&& (== net461) (< net46)) (&& (== net48) (< net46)) (== net50) (== netstandard2.0)
      System.IO (>= 4.3) - restriction: || (&& (== net40) (>= netstandard1.3)) (&& (== net461) (< net46)) (&& (== net48) (< net46)) (== net50) (== netstandard2.0)
      System.Reflection (>= 4.3) - restriction: || (&& (== net40) (>= netstandard1.3)) (&& (== net461) (< net46)) (&& (== net48) (< net46)) (== net50) (== netstandard2.0)
      System.Resources.ResourceManager (>= 4.3) - restriction: || (&& (== net40) (>= netstandard1.3)) (&& (== net461) (< net46)) (&& (== net48) (< net46)) (== net50) (== netstandard2.0)
      System.Runtime (>= 4.3) - restriction: || (&& (== net40) (>= netstandard1.3)) (&& (== net461) (< net46)) (&& (== net48) (< net46)) (== net50) (== netstandard2.0)
      System.Runtime.Extensions (>= 4.3) - restriction: || (&& (== net40) (>= netstandard1.3)) (&& (== net461) (< net46)) (&& (== net48) (< net46)) (== net50) (== netstandard2.0)
      System.Runtime.Handles (>= 4.3) - restriction: || (&& (== net40) (>= netstandard1.3)) (&& (== net461) (< net46)) (&& (== net48) (< net46)) (== net50) (== netstandard2.0)
      System.Runtime.InteropServices (>= 4.3) - restriction: || (&& (== net40) (>= netstandard1.3)) (&& (== net461) (< net46)) (&& (== net48) (< net46)) (== net50) (== netstandard2.0)
      System.Text.Encoding (>= 4.3) - restriction: || (&& (== net40) (>= netstandard1.3)) (&& (== net461) (< net46)) (&& (== net48) (< net46)) (== net50) (== netstandard2.0)
      System.Threading (>= 4.3) - restriction: || (&& (== net40) (>= netstandard1.3)) (&& (== net461) (< net46)) (&& (== net48) (< net46)) (== net50) (== netstandard2.0)
    System.Text.Encoding.Extensions (4.3) - restriction: || (== net48) (== net50)
      Microsoft.NETCore.Platforms (>= 1.1) - restriction: || (&& (== net40) (>= netstandard1.0)) (&& (== net40) (>= netstandard1.3)) (&& (== net461) (< net45)) (&& (== net48) (< net45)) (== net50) (== netstandard2.0)
      Microsoft.NETCore.Targets (>= 1.1) - restriction: || (&& (== net40) (>= netstandard1.0)) (&& (== net40) (>= netstandard1.3)) (&& (== net461) (< net45)) (&& (== net48) (< net45)) (== net50) (== netstandard2.0)
      System.Runtime (>= 4.3) - restriction: || (&& (== net40) (>= netstandard1.0)) (&& (== net40) (>= netstandard1.3)) (&& (== net461) (< net45)) (&& (== net48) (< net45)) (== net50) (== netstandard2.0)
      System.Text.Encoding (>= 4.3) - restriction: || (&& (== net40) (>= netstandard1.0)) (&& (== net40) (>= netstandard1.3)) (&& (== net461) (< net45)) (&& (== net48) (< net45)) (== net50) (== netstandard2.0)
    System.Text.RegularExpressions (4.3) - restriction: || (&& (== net48) (>= netcoreapp2.1)) (== net50)
      System.Runtime (>= 4.3) - restriction: || (&& (== net40) (>= netcoreapp1.1)) (&& (== net40) (>= netstandard1.0)) (&& (== net40) (>= netstandard1.3)) (&& (== net40) (>= netstandard1.6)) (&& (== net461) (< net45)) (&& (== net461) (>= netcoreapp1.1)) (&& (== net48) (< net45)) (&& (== net48) (>= netcoreapp1.1)) (== net50) (== netstandard2.0)
    System.Threading (4.3) - restriction: || (== net48) (== net50)
      System.Runtime (>= 4.3) - restriction: || (&& (== net40) (>= netstandard1.0)) (&& (== net40) (>= netstandard1.3)) (&& (== net461) (< net45)) (&& (== net48) (< net45)) (== net50) (== netstandard2.0)
      System.Threading.Tasks (>= 4.3) - restriction: || (&& (== net40) (>= netstandard1.0)) (&& (== net40) (>= netstandard1.3)) (&& (== net461) (< net45)) (&& (== net48) (< net45)) (== net50) (== netstandard2.0)
    System.Threading.Tasks (4.3) - restriction: || (== net48) (== net50)
      Microsoft.NETCore.Platforms (>= 1.1) - restriction: || (&& (== net40) (>= netstandard1.0)) (&& (== net40) (>= netstandard1.3)) (&& (== net461) (< net45)) (&& (== net48) (< net45)) (== net50) (== netstandard2.0)
      Microsoft.NETCore.Targets (>= 1.1) - restriction: || (&& (== net40) (>= netstandard1.0)) (&& (== net40) (>= netstandard1.3)) (&& (== net461) (< net45)) (&& (== net48) (< net45)) (== net50) (== netstandard2.0)
      System.Runtime (>= 4.3) - restriction: || (&& (== net40) (>= netstandard1.0)) (&& (== net40) (>= netstandard1.3)) (&& (== net461) (< net45)) (&& (== net48) (< net45)) (== net50) (== netstandard2.0)
    System.Threading.Tasks.Extensions (4.5.2) - restriction: || (== net48) (== net50)
      System.Runtime.CompilerServices.Unsafe (>= 4.5.2) - restriction: || (&& (== net40) (>= net45)) (&& (== net40) (>= netstandard1.0)) (&& (== net40) (>= netstandard2.0)) (&& (== net40) (>= portable-net45+win8+wp8+wpa81)) (&& (== net40) (>= win8)) (&& (== net40) (>= wp8)) (&& (== net40) (>= wpa81)) (== net461) (== net48) (&& (== net50) (>= net45)) (&& (== net50) (< netcoreapp2.1)) (&& (== net50) (< netstandard1.0)) (&& (== net50) (< netstandard2.0)) (&& (== net50) (>= wp8)) (== netstandard2.0)
    System.Threading.Tasks.Parallel (4.3) - restriction: || (== net48) (== net50)
      System.Collections.Concurrent (>= 4.3) - restriction: || (&& (== net40) (>= netstandard1.1)) (&& (== net40) (>= netstandard1.3)) (&& (== net461) (< net45)) (&& (== net48) (< net45)) (== net50) (== netstandard2.0)
      System.Diagnostics.Debug (>= 4.3) - restriction: || (&& (== net40) (>= netstandard1.3)) (&& (== net461) (< net45)) (&& (== net48) (< net45)) (== net50) (== netstandard2.0)
      System.Diagnostics.Tracing (>= 4.3) - restriction: || (&& (== net40) (>= netstandard1.3)) (&& (== net461) (< net45)) (&& (== net48) (< net45)) (== net50) (== netstandard2.0)
      System.Resources.ResourceManager (>= 4.3) - restriction: || (&& (== net40) (>= netstandard1.3)) (&& (== net461) (< net45)) (&& (== net48) (< net45)) (== net50) (== netstandard2.0)
      System.Runtime (>= 4.3) - restriction: || (&& (== net40) (>= netstandard1.1)) (&& (== net40) (>= netstandard1.3)) (&& (== net461) (< net45)) (&& (== net48) (< net45)) (== net50) (== netstandard2.0)
      System.Runtime.Extensions (>= 4.3) - restriction: || (&& (== net40) (>= netstandard1.3)) (&& (== net461) (< net45)) (&& (== net48) (< net45)) (== net50) (== netstandard2.0)
      System.Threading (>= 4.3) - restriction: || (&& (== net40) (>= netstandard1.3)) (&& (== net461) (< net45)) (&& (== net48) (< net45)) (== net50) (== netstandard2.0)
      System.Threading.Tasks (>= 4.3) - restriction: || (&& (== net40) (>= netstandard1.1)) (&& (== net40) (>= netstandard1.3)) (&& (== net461) (< net45)) (&& (== net48) (< net45)) (== net50) (== netstandard2.0)
    System.Threading.Thread (4.3) - restriction: || (== net48) (== net50)
      System.Runtime (>= 4.3) - restriction: || (&& (== net40) (>= netstandard1.3)) (&& (== net461) (< net46)) (&& (== net48) (< net46)) (== net50) (== netstandard2.0)
    System.Threading.ThreadPool (4.3) - restriction: || (&& (== net48) (>= netcoreapp2.1)) (== net50)
      System.Runtime (>= 4.3) - restriction: || (&& (== net40) (>= netstandard1.3)) (&& (== net461) (< net46)) (&& (== net48) (< net46)) (== net50) (== netstandard2.0)
      System.Runtime.Handles (>= 4.3) - restriction: || (&& (== net40) (>= netstandard1.3)) (&& (== net461) (< net46)) (&& (== net48) (< net46)) (== net50) (== netstandard2.0)
    System.ValueTuple (4.5) - restriction: || (== net48) (== net50)
    System.Xml.ReaderWriter (4.3) - restriction: || (== net48) (== net50)
      System.Collections (>= 4.3) - restriction: || (&& (== net40) (>= netstandard1.3)) (&& (== net461) (< net45)) (&& (== net48) (< net45)) (== net50) (== netstandard2.0)
      System.Diagnostics.Debug (>= 4.3) - restriction: || (&& (== net40) (>= netstandard1.3)) (&& (== net461) (< net45)) (&& (== net48) (< net45)) (== net50) (== netstandard2.0)
      System.Globalization (>= 4.3) - restriction: || (&& (== net40) (>= netstandard1.3)) (&& (== net461) (< net45)) (&& (== net48) (< net45)) (== net50) (== netstandard2.0)
      System.IO (>= 4.3) - restriction: || (&& (== net40) (>= netstandard1.0)) (&& (== net40) (>= netstandard1.3)) (&& (== net461) (< net45)) (&& (== net48) (< net45)) (== net50) (== netstandard2.0)
      System.IO.FileSystem (>= 4.3) - restriction: || (&& (== net40) (>= netstandard1.3)) (&& (== net461) (< net45)) (&& (== net48) (< net45)) (== net50) (== netstandard2.0)
      System.IO.FileSystem.Primitives (>= 4.3) - restriction: || (&& (== net40) (>= netstandard1.3)) (&& (== net461) (< net45)) (&& (== net48) (< net45)) (== net50) (== netstandard2.0)
      System.Resources.ResourceManager (>= 4.3) - restriction: || (&& (== net40) (>= netstandard1.3)) (&& (== net461) (< net45)) (&& (== net48) (< net45)) (== net50) (== netstandard2.0)
      System.Runtime (>= 4.3) - restriction: || (&& (== net40) (>= netstandard1.0)) (&& (== net40) (>= netstandard1.3)) (&& (== net461) (< net45)) (&& (== net48) (< net45)) (== net50) (== netstandard2.0)
      System.Runtime.Extensions (>= 4.3) - restriction: || (&& (== net40) (>= netstandard1.3)) (&& (== net461) (< net45)) (&& (== net48) (< net45)) (== net50) (== netstandard2.0)
      System.Runtime.InteropServices (>= 4.3) - restriction: || (&& (== net40) (>= netstandard1.3)) (&& (== net461) (< net45)) (&& (== net48) (< net45)) (== net50) (== netstandard2.0)
      System.Text.Encoding (>= 4.3) - restriction: || (&& (== net40) (>= netstandard1.0)) (&& (== net40) (>= netstandard1.3)) (&& (== net461) (< net45)) (&& (== net48) (< net45)) (== net50) (== netstandard2.0)
      System.Text.Encoding.Extensions (>= 4.3) - restriction: || (&& (== net40) (>= netstandard1.3)) (&& (== net461) (< net45)) (&& (== net48) (< net45)) (== net50) (== netstandard2.0)
      System.Text.RegularExpressions (>= 4.3) - restriction: || (&& (== net40) (>= netstandard1.3)) (&& (== net461) (< net45)) (&& (== net48) (< net45)) (== net50) (== netstandard2.0)
      System.Threading.Tasks (>= 4.3) - restriction: || (&& (== net40) (>= netstandard1.0)) (&& (== net40) (>= netstandard1.3)) (&& (== net461) (< net45)) (&& (== net48) (< net45)) (== net50) (== netstandard2.0)
      System.Threading.Tasks.Extensions (>= 4.3) - restriction: || (&& (== net40) (>= netstandard1.3)) (&& (== net461) (< net45)) (&& (== net48) (< net45)) (== net50) (== netstandard2.0)
    System.Xml.XDocument (4.3) - restriction: || (== net48) (== net50)
      System.Collections (>= 4.3) - restriction: || (&& (== net40) (>= netstandard1.3)) (&& (== net461) (< net45)) (&& (== net48) (< net45)) (== net50) (== netstandard2.0)
      System.Diagnostics.Debug (>= 4.3) - restriction: || (&& (== net40) (>= netstandard1.3)) (&& (== net461) (< net45)) (&& (== net48) (< net45)) (== net50) (== netstandard2.0)
      System.Diagnostics.Tools (>= 4.3) - restriction: || (&& (== net40) (>= netstandard1.3)) (&& (== net461) (< net45)) (&& (== net48) (< net45)) (== net50) (== netstandard2.0)
      System.Globalization (>= 4.3) - restriction: || (&& (== net40) (>= netstandard1.3)) (&& (== net461) (< net45)) (&& (== net48) (< net45)) (== net50) (== netstandard2.0)
      System.IO (>= 4.3) - restriction: || (&& (== net40) (>= netstandard1.0)) (&& (== net40) (>= netstandard1.3)) (&& (== net461) (< net45)) (&& (== net48) (< net45)) (== net50) (== netstandard2.0)
      System.Reflection (>= 4.3) - restriction: || (&& (== net40) (>= netstandard1.3)) (&& (== net461) (< net45)) (&& (== net48) (< net45)) (== net50) (== netstandard2.0)
      System.Resources.ResourceManager (>= 4.3) - restriction: || (&& (== net40) (>= netstandard1.3)) (&& (== net461) (< net45)) (&& (== net48) (< net45)) (== net50) (== netstandard2.0)
      System.Runtime (>= 4.3) - restriction: || (&& (== net40) (>= netstandard1.0)) (&& (== net40) (>= netstandard1.3)) (&& (== net461) (< net45)) (&& (== net48) (< net45)) (== net50) (== netstandard2.0)
      System.Runtime.Extensions (>= 4.3) - restriction: || (&& (== net40) (>= netstandard1.3)) (&& (== net461) (< net45)) (&& (== net48) (< net45)) (== net50) (== netstandard2.0)
      System.Text.Encoding (>= 4.3) - restriction: || (&& (== net40) (>= netstandard1.3)) (&& (== net461) (< net45)) (&& (== net48) (< net45)) (== net50) (== netstandard2.0)
      System.Threading (>= 4.3) - restriction: || (&& (== net40) (>= netstandard1.3)) (&& (== net461) (< net45)) (&& (== net48) (< net45)) (== net50) (== netstandard2.0)
      System.Xml.ReaderWriter (>= 4.3) - restriction: || (&& (== net40) (>= netstandard1.0)) (&& (== net40) (>= netstandard1.3)) (&& (== net461) (< net45)) (&& (== net48) (< net45)) (== net50) (== netstandard2.0)
    System.Xml.XmlDocument (4.3) - restriction: || (== net48) (== net50)
      System.Collections (>= 4.3) - restriction: || (&& (== net40) (>= netstandard1.3)) (&& (== net461) (< net46)) (&& (== net48) (< net46)) (== net50) (== netstandard2.0)
      System.Diagnostics.Debug (>= 4.3) - restriction: || (&& (== net40) (>= netstandard1.3)) (&& (== net461) (< net46)) (&& (== net48) (< net46)) (== net50) (== netstandard2.0)
      System.Globalization (>= 4.3) - restriction: || (&& (== net40) (>= netstandard1.3)) (&& (== net461) (< net46)) (&& (== net48) (< net46)) (== net50) (== netstandard2.0)
      System.IO (>= 4.3) - restriction: || (&& (== net40) (>= netstandard1.3)) (&& (== net461) (< net46)) (&& (== net48) (< net46)) (== net50) (== netstandard2.0)
      System.Resources.ResourceManager (>= 4.3) - restriction: || (&& (== net40) (>= netstandard1.3)) (&& (== net461) (< net46)) (&& (== net48) (< net46)) (== net50) (== netstandard2.0)
      System.Runtime (>= 4.3) - restriction: || (&& (== net40) (>= netstandard1.3)) (&& (== net461) (< net46)) (&& (== net48) (< net46)) (== net50) (== netstandard2.0)
      System.Runtime.Extensions (>= 4.3) - restriction: || (&& (== net40) (>= netstandard1.3)) (&& (== net461) (< net46)) (&& (== net48) (< net46)) (== net50) (== netstandard2.0)
      System.Text.Encoding (>= 4.3) - restriction: || (&& (== net40) (>= netstandard1.3)) (&& (== net461) (< net46)) (&& (== net48) (< net46)) (== net50) (== netstandard2.0)
      System.Threading (>= 4.3) - restriction: || (&& (== net40) (>= netstandard1.3)) (&& (== net461) (< net46)) (&& (== net48) (< net46)) (== net50) (== netstandard2.0)
      System.Xml.ReaderWriter (>= 4.3) - restriction: || (&& (== net40) (>= netstandard1.3)) (&& (== net461) (< net46)) (&& (== net48) (< net46)) (== net50) (== netstandard2.0)
    System.Xml.XPath (4.3) - restriction: || (== net48) (== net50)
      System.Collections (>= 4.3) - restriction: || (&& (== net40) (>= netstandard1.3)) (&& (== net461) (< net46)) (&& (== net48) (< net46)) (== net50) (== netstandard2.0)
      System.Diagnostics.Debug (>= 4.3) - restriction: || (&& (== net40) (>= netstandard1.3)) (&& (== net461) (< net46)) (&& (== net48) (< net46)) (== net50) (== netstandard2.0)
      System.Globalization (>= 4.3) - restriction: || (&& (== net40) (>= netstandard1.3)) (&& (== net461) (< net46)) (&& (== net48) (< net46)) (== net50) (== netstandard2.0)
      System.IO (>= 4.3) - restriction: || (&& (== net40) (>= netstandard1.3)) (&& (== net461) (< net46)) (&& (== net48) (< net46)) (== net50) (== netstandard2.0)
      System.Resources.ResourceManager (>= 4.3) - restriction: || (&& (== net40) (>= netstandard1.3)) (&& (== net461) (< net46)) (&& (== net48) (< net46)) (== net50) (== netstandard2.0)
      System.Runtime (>= 4.3) - restriction: || (&& (== net40) (>= netstandard1.3)) (&& (== net461) (< net46)) (&& (== net48) (< net46)) (== net50) (== netstandard2.0)
      System.Runtime.Extensions (>= 4.3) - restriction: || (&& (== net40) (>= netstandard1.3)) (&& (== net461) (< net46)) (&& (== net48) (< net46)) (== net50) (== netstandard2.0)
      System.Threading (>= 4.3) - restriction: || (&& (== net40) (>= netstandard1.3)) (&& (== net461) (< net46)) (&& (== net48) (< net46)) (== net50) (== netstandard2.0)
      System.Xml.ReaderWriter (>= 4.3) - restriction: || (&& (== net40) (>= netstandard1.3)) (&& (== net461) (< net46)) (&& (== net48) (< net46)) (== net50) (== netstandard2.0)
    System.Xml.XPath.XDocument (4.3) - restriction: || (== net48) (== net50)
      System.Diagnostics.Debug (>= 4.3) - restriction: || (&& (== net40) (>= netstandard1.3)) (&& (== net461) (< net46)) (&& (== net48) (< net46)) (== net50) (== netstandard2.0)
      System.Linq (>= 4.3) - restriction: || (&& (== net40) (>= netstandard1.3)) (&& (== net461) (< net46)) (&& (== net48) (< net46)) (== net50) (== netstandard2.0)
      System.Resources.ResourceManager (>= 4.3) - restriction: || (&& (== net40) (>= netstandard1.3)) (&& (== net461) (< net46)) (&& (== net48) (< net46)) (== net50) (== netstandard2.0)
      System.Runtime (>= 4.3) - restriction: || (&& (== net40) (>= netstandard1.3)) (&& (== net461) (< net46)) (&& (== net48) (< net46)) (== net50) (== netstandard2.0)
      System.Runtime.Extensions (>= 4.3) - restriction: || (&& (== net40) (>= netstandard1.3)) (&& (== net461) (< net46)) (&& (== net48) (< net46)) (== net50) (== netstandard2.0)
      System.Threading (>= 4.3) - restriction: || (&& (== net40) (>= netstandard1.3)) (&& (== net461) (< net46)) (&& (== net48) (< net46)) (== net50) (== netstandard2.0)
      System.Xml.ReaderWriter (>= 4.3) - restriction: || (&& (== net40) (>= netstandard1.3)) (&& (== net461) (< net46)) (&& (== net48) (< net46)) (== net50) (== netstandard2.0)
      System.Xml.XDocument (>= 4.3) - restriction: || (&& (== net40) (>= netstandard1.3)) (&& (== net461) (< net46)) (&& (== net48) (< net46)) (== net50) (== netstandard2.0)
      System.Xml.XPath (>= 4.3) - restriction: || (&& (== net40) (>= net46)) (&& (== net40) (>= netstandard1.3)) (== net461) (== net48) (== net50) (== netstandard2.0)
    System.Xml.XPath.XmlDocument (4.3) - restriction: || (&& (== net48) (>= netcoreapp2.1)) (== net50)
      System.Collections (>= 4.3) - restriction: || (&& (== net40) (>= netstandard1.3)) (&& (== net461) (< net46)) (&& (== net48) (< net46)) (== net50) (== netstandard2.0)
      System.Globalization (>= 4.3) - restriction: || (&& (== net40) (>= netstandard1.3)) (&& (== net461) (< net46)) (&& (== net48) (< net46)) (== net50) (== netstandard2.0)
      System.IO (>= 4.3) - restriction: || (&& (== net40) (>= netstandard1.3)) (&& (== net461) (< net46)) (&& (== net48) (< net46)) (== net50) (== netstandard2.0)
      System.Resources.ResourceManager (>= 4.3) - restriction: || (&& (== net40) (>= netstandard1.3)) (&& (== net461) (< net46)) (&& (== net48) (< net46)) (== net50) (== netstandard2.0)
      System.Runtime (>= 4.3) - restriction: || (&& (== net40) (>= netstandard1.3)) (&& (== net461) (< net46)) (&& (== net48) (< net46)) (== net50) (== netstandard2.0)
      System.Runtime.Extensions (>= 4.3) - restriction: || (&& (== net40) (>= netstandard1.3)) (&& (== net461) (< net46)) (&& (== net48) (< net46)) (== net50) (== netstandard2.0)
      System.Threading (>= 4.3) - restriction: || (&& (== net40) (>= netstandard1.3)) (&& (== net461) (< net46)) (&& (== net48) (< net46)) (== net50) (== netstandard2.0)
      System.Xml.ReaderWriter (>= 4.3) - restriction: || (&& (== net40) (>= netstandard1.3)) (&& (== net461) (< net46)) (&& (== net48) (< net46)) (== net50) (== netstandard2.0)
      System.Xml.XmlDocument (>= 4.3) - restriction: || (&& (== net40) (>= net46)) (&& (== net40) (>= netstandard1.3)) (== net461) (== net48) (== net50) (== netstandard2.0)
      System.Xml.XPath (>= 4.3) - restriction: || (&& (== net40) (>= net46)) (&& (== net40) (>= netstandard1.3)) (== net461) (== net48) (== net50) (== netstandard2.0)

GROUP Build
STORAGE: PACKAGES
NUGET
  remote: https://api.nuget.org/v3/index.json
    FAKE (4.64.18)
    FSharp.Compiler.Service (2.0.0.6)
    FSharp.Formatting (2.14.4)
      FSharp.Compiler.Service (2.0.0.6)
      FSharpVSPowerTools.Core (>= 2.3 < 2.4)
    FSharpVSPowerTools.Core (2.3)
      FSharp.Compiler.Service (>= 2.0.0.3)
    NuGet.CommandLine (5.8.1)
    NUnit.ConsoleRunner (3.12)
